{
  "aor": 0.026636409090909096,
  "aqi": 0.016101360590909095,
  "bids_meta": {
    "AcquisitionMatrixPE": 64,
    "AcquisitionNumber": 1,
    "AcquisitionTime": "15:37:48.000000",
    "CoilString": "8HRBRAIN",
    "ConversionSoftware": "dcm2niix",
    "ConversionSoftwareVersion": "v1.0.20190902",
    "DeviceSerialNumber": "0000000000IL1028",
    "EchoTime": 0.03,
    "EffectiveEchoSpacing": 0.000664,
    "FlipAngle": 77,
    "ImageOrientationPatientDICOM": [
      0.997766,
      0.0245367,
      0.0621353,
      -0.0215461,
      0.998598,
      -0.0483414
    ],
    "ImageType": [
      "ORIGINAL",
      "PRIMARY",
      "EPI",
      "NONE"
    ],
    "ImagingFrequency": 127.72,
    "InPlanePhaseEncodingDirectionDICOM": "COL",
    "InstitutionName": "TEL_AVIV_MEDICAL_CENTER",
    "MRAcquisitionType": "2D",
    "MagneticFieldStrength": 3,
    "Manufacturer": "GE",
    "ManufacturersModelName": "Signa_HDxt",
    "Modality": "MR",
    "PatientPosition": "HFS",
    "PercentPhaseFOV": 100,
    "PhaseEncodingDirection": "j",
    "PhaseEncodingPolarityGE": "Flipped",
    "PixelBandwidth": 7812.5,
    "ProtocolName": "AV_scenes_long",
    "ReconMatrixPE": 64,
    "RepetitionTime": 2,
    "SAR": 0.284016,
    "ScanOptions": "EPI_GEMS_ACC_GEMS",
    "ScanningSequence": "EP_GR",
    "SequenceVariant": "SS",
    "SeriesDescription": "AV_scenes_long",
    "SeriesNumber": 13,
    "SliceThickness": 2.5,
    "SliceTiming": [
      0.971429,
      1.94286,
      0.914286,
      1.88571,
      0.857143,
      1.82857,
      0.8,
      1.77143,
      0.742857,
      1.71429,
      0.685714,
      1.65714,
      0.628571,
      1.6,
      0.571429,
      1.54286,
      0.514286,
      1.48571,
      0.457143,
      1.42857,
      0.4,
      1.37143,
      0.342857,
      1.31429,
      0.285714,
      1.25714,
      0.228571,
      1.2,
      0.171429,
      1.14286,
      0.114286,
      1.08571,
      0.0571429,
      1.02857,
      0
    ],
    "SoftwareVersions": "24_LX_MR_Software_release:HD16.0_V02_1131.a",
    "SpacingBetweenSlices": 2.7,
    "StationName": "mr3-HDx",
    "TaskName": "AVSceneslong",
    "TotalReadoutTime": 0.041832,
    "dataset": "ds002715",
    "modality": "bold",
    "run_id": 4,
    "session_id": "mri",
    "subject_id": "02",
    "task_id": "AVSceneslong"
  },
  "dummy_trs": 2,
  "dvars_nstd": 21.92138080940638,
  "dvars_std": 0.9935967043835615,
  "dvars_vstd": 1.007648375068494,
  "efc": 0.5696188016357894,
  "fber": 10186.0673828125,
  "fd_mean": 0.3710383531494471,
  "fd_num": 25,
  "fd_perc": 11.363636363636363,
  "fwhm_avg": 2.2805073068933184,
  "fwhm_x": 2.1382901960784313,
  "fwhm_y": 2.432398431372549,
  "fwhm_z": 2.270833293228974,
  "gcor": 0.130203,
  "gsr_x": -0.0003922772884834558,
  "gsr_y": 0.023897293955087662,
  "provenance": {
    "md5sum": "a15c563ed46008aa4aa2ff14de869851",
    "settings": {
      "fd_thres": 0.2,
      "testing": false
    },
    "software": "mriqc",
    "version": "22.0.6",
    "webapi_port": null,
    "webapi_url": "https://mriqc.nimh.nih.gov/api/v1"
  },
  "size_t": 220,
  "size_x": 64,
  "size_y": 64,
  "size_z": 35,
  "snr": 6.515388724877975,
  "spacing_tr": 2.0,
  "spacing_x": 3.1875,
  "spacing_y": 3.1875,
  "spacing_z": 2.700000047683716,
  "summary_bg_k": 21.97769028083803,
  "summary_bg_mad": 65.67253831920608,
  "summary_bg_mean": 181.84710693359375,
  "summary_bg_median": 45.154544830322266,
  "summary_bg_n": 74377.0,
  "summary_bg_p05": 0.3272727131843567,
  "summary_bg_p95": 779.0927246093747,
  "summary_bg_stdv": 354.4808349609375,
  "summary_fg_k": 1.7572328684234506,
  "summary_fg_mad": 559.9516382794604,
  "summary_fg_mean": 4282.2880859375,
  "summary_fg_median": 4279.94091796875,
  "summary_fg_n": 37501.0,
  "summary_fg_p05": 3182.8271484375,
  "summary_fg_p95": 5337.74072265625,
  "summary_fg_stdv": 656.8884887695312,
  "tsnr": 40.19112842180766
}