{
  "aor": 0.015389863636363637,
  "aqi": 0.022565845909090908,
  "bids_meta": {
    "AcquisitionMatrixPE": 64,
    "AcquisitionNumber": 1,
    "AcquisitionTime": "15:21:28.000000",
    "CoilString": "8HRBRAIN",
    "ConversionSoftware": "dcm2niix",
    "ConversionSoftwareVersion": "v1.0.20190902",
    "DeviceSerialNumber": "0000000000IL1028",
    "EchoTime": 0.03,
    "EffectiveEchoSpacing": 0.000664,
    "FlipAngle": 77,
    "ImageOrientationPatientDICOM": [
      0.997766,
      0.0245367,
      0.0621353,
      -0.0215461,
      0.998598,
      -0.0483414
    ],
    "ImageType": [
      "ORIGINAL",
      "PRIMARY",
      "EPI",
      "NONE"
    ],
    "ImagingFrequency": 127.72,
    "InPlanePhaseEncodingDirectionDICOM": "COL",
    "InstitutionName": "TEL_AVIV_MEDICAL_CENTER",
    "MRAcquisitionType": "2D",
    "MagneticFieldStrength": 3,
    "Manufacturer": "GE",
    "ManufacturersModelName": "Signa_HDxt",
    "Modality": "MR",
    "PatientPosition": "HFS",
    "PercentPhaseFOV": 100,
    "PhaseEncodingDirection": "j",
    "PhaseEncodingPolarityGE": "Flipped",
    "PixelBandwidth": 7812.5,
    "ProtocolName": "AV_scenes_long",
    "ReconMatrixPE": 64,
    "RepetitionTime": 2,
    "SAR": 0.284016,
    "ScanOptions": "EPI_GEMS_ACC_GEMS",
    "ScanningSequence": "EP_GR",
    "SequenceVariant": "SS",
    "SeriesDescription": "AV_scenes_long",
    "SeriesNumber": 11,
    "SliceThickness": 2.5,
    "SliceTiming": [
      0.971429,
      1.94286,
      0.914286,
      1.88571,
      0.857143,
      1.82857,
      0.8,
      1.77143,
      0.742857,
      1.71429,
      0.685714,
      1.65714,
      0.628571,
      1.6,
      0.571429,
      1.54286,
      0.514286,
      1.48571,
      0.457143,
      1.42857,
      0.4,
      1.37143,
      0.342857,
      1.31429,
      0.285714,
      1.25714,
      0.228571,
      1.2,
      0.171429,
      1.14286,
      0.114286,
      1.08571,
      0.0571429,
      1.02857,
      0
    ],
    "SoftwareVersions": "24_LX_MR_Software_release:HD16.0_V02_1131.a",
    "SpacingBetweenSlices": 2.7,
    "StationName": "mr3-HDx",
    "TaskName": "AVSceneslong",
    "TotalReadoutTime": 0.041832,
    "dataset": "ds002715",
    "modality": "bold",
    "run_id": 2,
    "session_id": "mri",
    "subject_id": "02",
    "task_id": "AVSceneslong"
  },
  "dummy_trs": 2,
  "dvars_nstd": 22.418793791689478,
  "dvars_std": 0.8047217116894979,
  "dvars_vstd": 0.845385254703196,
  "efc": 0.5708307322677443,
  "fber": 8867.3974609375,
  "fd_mean": 0.3580586322543045,
  "fd_num": 30,
  "fd_perc": 13.636363636363637,
  "fwhm_avg": 2.338246928630735,
  "fwhm_x": 2.175617254901961,
  "fwhm_y": 2.46126431372549,
  "fwhm_z": 2.377859217264754,
  "gcor": 0.152954,
  "gsr_x": -0.0020389242563396692,
  "gsr_y": 0.024985408410429955,
  "provenance": {
    "md5sum": "b57547148dd1eb191a6ac373cbbb0513",
    "settings": {
      "fd_thres": 0.2,
      "testing": false
    },
    "software": "mriqc",
    "version": "22.0.6",
    "webapi_port": null,
    "webapi_url": "https://mriqc.nimh.nih.gov/api/v1"
  },
  "size_t": 220,
  "size_x": 64,
  "size_y": 64,
  "size_z": 35,
  "snr": 6.59178302575547,
  "spacing_tr": 2.0,
  "spacing_x": 3.1875,
  "spacing_y": 3.1875,
  "spacing_z": 2.700000047683716,
  "summary_bg_k": 19.767657349365134,
  "summary_bg_mad": 71.90620432783248,
  "summary_bg_mean": 191.3340301513672,
  "summary_bg_median": 49.3272705078125,
  "summary_bg_n": 74681.0,
  "summary_bg_p05": 0.2772727310657501,
  "summary_bg_p95": 839.2318115234375,
  "summary_bg_stdv": 368.18682861328125,
  "summary_fg_k": 1.724063940996336,
  "summary_fg_mad": 572.6013553280993,
  "summary_fg_mean": 4351.06298828125,
  "summary_fg_median": 4353.3818359375,
  "summary_fg_n": 37318.0,
  "summary_fg_p05": 3236.040283203125,
  "summary_fg_p95": 5403.825781250001,
  "summary_fg_stdv": 660.4166870117188,
  "tsnr": 37.01146504946519
}