{
  "aor": 0.017606818181818182,
  "aqi": 0.02744352272727273,
  "bids_meta": {
    "AcquisitionMatrixPE": 64,
    "AcquisitionNumber": 1,
    "AcquisitionTime": "15:29:28.000000",
    "CoilString": "8HRBRAIN",
    "ConversionSoftware": "dcm2niix",
    "ConversionSoftwareVersion": "v1.0.20190902",
    "DeviceSerialNumber": "0000000000IL1028",
    "EchoTime": 0.03,
    "EffectiveEchoSpacing": 0.000664,
    "FlipAngle": 77,
    "ImageOrientationPatientDICOM": [
      0.997766,
      0.0245367,
      0.0621353,
      -0.0215461,
      0.998598,
      -0.0483414
    ],
    "ImageType": [
      "ORIGINAL",
      "PRIMARY",
      "EPI",
      "NONE"
    ],
    "ImagingFrequency": 127.72,
    "InPlanePhaseEncodingDirectionDICOM": "COL",
    "InstitutionName": "TEL_AVIV_MEDICAL_CENTER",
    "MRAcquisitionType": "2D",
    "MagneticFieldStrength": 3,
    "Manufacturer": "GE",
    "ManufacturersModelName": "Signa_HDxt",
    "Modality": "MR",
    "PatientPosition": "HFS",
    "PercentPhaseFOV": 100,
    "PhaseEncodingDirection": "j",
    "PhaseEncodingPolarityGE": "Flipped",
    "PixelBandwidth": 7812.5,
    "ProtocolName": "AV_scenes_long",
    "ReconMatrixPE": 64,
    "RepetitionTime": 2,
    "SAR": 0.284016,
    "ScanOptions": "EPI_GEMS_ACC_GEMS",
    "ScanningSequence": "EP_GR",
    "SequenceVariant": "SS",
    "SeriesDescription": "AV_scenes_long",
    "SeriesNumber": 12,
    "SliceThickness": 2.5,
    "SliceTiming": [
      0.971429,
      1.94286,
      0.914286,
      1.88571,
      0.857143,
      1.82857,
      0.8,
      1.77143,
      0.742857,
      1.71429,
      0.685714,
      1.65714,
      0.628571,
      1.6,
      0.571429,
      1.54286,
      0.514286,
      1.48571,
      0.457143,
      1.42857,
      0.4,
      1.37143,
      0.342857,
      1.31429,
      0.285714,
      1.25714,
      0.228571,
      1.2,
      0.171429,
      1.14286,
      0.114286,
      1.08571,
      0.0571429,
      1.02857,
      0
    ],
    "SoftwareVersions": "24_LX_MR_Software_release:HD16.0_V02_1131.a",
    "SpacingBetweenSlices": 2.7,
    "StationName": "mr3-HDx",
    "TaskName": "AVSceneslong",
    "TotalReadoutTime": 0.041832,
    "dataset": "ds002715",
    "modality": "bold",
    "run_id": 3,
    "session_id": "mri",
    "subject_id": "02",
    "task_id": "AVSceneslong"
  },
  "dummy_trs": 2,
  "dvars_nstd": 24.829570399726027,
  "dvars_std": 0.8154037473515978,
  "dvars_vstd": 0.8297215948858443,
  "efc": 0.5708861804293873,
  "fber": 8401.8642578125,
  "fd_mean": 0.4566737590357387,
  "fd_num": 37,
  "fd_perc": 16.818181818181817,
  "fwhm_avg": 2.2891371248257264,
  "fwhm_x": 2.100890980392157,
  "fwhm_y": 2.4084611764705883,
  "fwhm_z": 2.358059217614435,
  "gcor": 0.116633,
  "gsr_x": -0.0035040813963860273,
  "gsr_y": 0.023097975179553032,
  "provenance": {
    "md5sum": "d8785c18ba7e001195cf268e570abccc",
    "settings": {
      "fd_thres": 0.2,
      "testing": false
    },
    "software": "mriqc",
    "version": "22.0.6",
    "webapi_port": null,
    "webapi_url": "https://mriqc.nimh.nih.gov/api/v1"
  },
  "size_t": 220,
  "size_x": 64,
  "size_y": 64,
  "size_z": 35,
  "snr": 6.664518209225262,
  "spacing_tr": 2.0,
  "spacing_x": 3.1875,
  "spacing_y": 3.1875,
  "spacing_z": 2.700000047683716,
  "summary_bg_k": 20.341374303220075,
  "summary_bg_mad": 71.92979266110417,
  "summary_bg_mean": 188.1723175048828,
  "summary_bg_median": 49.897727966308594,
  "summary_bg_n": 74382.0,
  "summary_bg_p05": 0.5863636136054993,
  "summary_bg_p95": 809.7220336914062,
  "summary_bg_stdv": 357.395263671875,
  "summary_fg_k": 1.775523471416637,
  "summary_fg_mad": 553.5159284540138,
  "summary_fg_mean": 4303.5888671875,
  "summary_fg_median": 4301.56787109375,
  "summary_fg_n": 37191.0,
  "summary_fg_p05": 3217.9998779296875,
  "summary_fg_p95": 5335.745361328125,
  "summary_fg_stdv": 645.4345092773438,
  "tsnr": 31.18221315991832
}