{
  "bids_meta": {
    "AcquisitionMatrixPE": 256,
    "AcquisitionNumber": 1,
    "AcquisitionTime": "12:39:46.000000",
    "CoilString": "8HRBRAIN",
    "ConversionSoftware": "dcm2niix",
    "ConversionSoftwareVersion": "v1.0.20190902",
    "DeviceSerialNumber": "0000000000IL1028",
    "EchoTime": 0.003524,
    "FlipAngle": 13,
    "ImageOrientationPatientDICOM": [
      0.995045,
      0.00479133,
      0.0993062,
      0.0220038,
      0.963469,
      -0.266915
    ],
    "ImageType": [
      "ORIGINAL",
      "PRIMARY",
      "OTHER"
    ],
    "ImagingFrequency": 127.72,
    "InPlanePhaseEncodingDirectionDICOM": "ROW",
    "InstitutionName": "TEL_AVIV_MEDICAL_CENTER",
    "InversionTime": 0.45,
    "MRAcquisitionType": "3D",
    "MagneticFieldStrength": 3,
    "Manufacturer": "GE",
    "ManufacturersModelName": "Signa_HDxt",
    "Modality": "MR",
    "PatientPosition": "HFS",
    "PercentPhaseFOV": 100,
    "PixelBandwidth": 97.6562,
    "ProtocolName": "Ax_FSPGR_BRAVO",
    "ReconMatrixPE": 512,
    "RepetitionTime": 0.009112,
    "SAR": 0.22338,
    "ScanOptions": "FAST_GEMS_EDR_GEMS_FILTERED_GEMS_ACC_GEMS",
    "ScanningSequence": "GR",
    "SequenceVariant": "SS_SK",
    "SeriesDescription": "Ax_FSPGR_BRAVO",
    "SeriesNumber": 15,
    "SliceThickness": 1,
    "SoftwareVersions": "24_LX_MR_Software_release:HD16.0_V02_1131.a",
    "SpacingBetweenSlices": 1,
    "StationName": "mr3-HDx",
    "dataset": "ds002715",
    "modality": "T1w",
    "run_id": 1,
    "session_id": "mri",
    "subject_id": "05"
  },
  "cjv": 0.3521917726342742,
  "cnr": 3.839602846512761,
  "efc": 0.6162876772517023,
  "fber": -1.0,
  "fwhm_avg": 4.643710958446451,
  "fwhm_x": 5.412060322583933,
  "fwhm_y": 5.61666,
  "fwhm_z": 2.9024125527554183,
  "icvs_csf": 0.2568891750229448,
  "icvs_gm": 0.3958954020320324,
  "icvs_wm": 0.3472154229450229,
  "inu_med": 0.8104905188083649,
  "inu_range": 0.42368897795677185,
  "provenance": {
    "md5sum": "b7af19d191638c42b45490be6624501c",
    "settings": {
      "testing": false
    },
    "software": "mriqc",
    "version": "22.0.6",
    "warnings": {
      "large_rot_frame": true,
      "small_air_mask": false
    },
    "webapi_port": null,
    "webapi_url": "https://mriqc.nimh.nih.gov/api/v1"
  },
  "qi_1": 0.00010799113989387872,
  "qi_2": 0.0002474332094182398,
  "rpve_csf": 18.899902963426367,
  "rpve_gm": 11.656365006082757,
  "rpve_wm": 15.250468329211264,
  "size_x": 512,
  "size_y": 512,
  "size_z": 142,
  "snr_csf": 1.9001659992307627,
  "snr_gm": 11.578120687799265,
  "snr_total": 10.226385859052401,
  "snr_wm": 17.20087089012718,
  "snrd_csf": 5.475574395325612,
  "snrd_gm": 20.719108947049587,
  "snrd_total": 18.982233197994688,
  "snrd_wm": 30.752016251608865,
  "spacing_x": 0.4999999701976776,
  "spacing_y": 0.5,
  "spacing_z": 0.9994926452636719,
  "summary_bg_k": 37.011443917438314,
  "summary_bg_mad": 0.0,
  "summary_bg_mean": 11.00453397747453,
  "summary_bg_median": 0.0,
  "summary_bg_n": 4589349.0,
  "summary_bg_p05": 0.0,
  "summary_bg_p95": 50.27932970970869,
  "summary_bg_stdv": 21.304690087924204,
  "summary_csf_k": 3.238767086956205,
  "summary_csf_mad": 91.6929220301326,
  "summary_csf_mean": 189.1292962596849,
  "summary_csf_median": 178.06279050558805,
  "summary_csf_n": 366357.0,
  "summary_csf_p05": 56.22000168636441,
  "summary_csf_p95": 360.2958540543914,
  "summary_csf_stdv": 93.70894309200912,
  "summary_gm_k": 0.046932836141933,
  "summary_gm_mad": 58.44548846958835,
  "summary_gm_mean": 674.2905859125581,
  "summary_gm_median": 673.7744918689132,
  "summary_gm_n": 188070.0,
  "summary_gm_p05": 579.9040061980486,
  "summary_gm_p95": 770.0448516495526,
  "summary_gm_stdv": 58.193615246217774,
  "summary_wm_k": 0.5227846382813692,
  "summary_wm_mad": 56.46230822211729,
  "summary_wm_mean": 1002.5469679998596,
  "summary_wm_median": 1000.0393442027271,
  "summary_wm_n": 795698.0,
  "summary_wm_p05": 912.3062415011227,
  "summary_wm_p95": 1101.581558585167,
  "summary_wm_stdv": 58.138842049718086,
  "tpm_overlap_csf": 0.147635146671609,
  "tpm_overlap_gm": 0.3940716257101781,
  "tpm_overlap_wm": 0.43929510746329037,
  "wm2max": 0.511677490235482
}