{
  "aor": 0.0008049999999999999,
  "aqi": 0.008262334863636363,
  "bids_meta": {
    "AcquisitionMatrixPE": 64,
    "AcquisitionNumber": 1,
    "AcquisitionTime": "14:05:29.000000",
    "CoilString": "8HRBRAIN",
    "ConversionSoftware": "dcm2niix",
    "ConversionSoftwareVersion": "v1.0.20190902",
    "DeviceSerialNumber": "0000000000IL1028",
    "EchoTime": 0.03,
    "EffectiveEchoSpacing": 0.000708,
    "FlipAngle": 77,
    "ImageOrientationPatientDICOM": [
      0.987099,
      0.135747,
      -0.0849032,
      -0.129582,
      0.988771,
      0.0744348
    ],
    "ImageType": [
      "ORIGINAL",
      "PRIMARY",
      "EPI",
      "NONE"
    ],
    "ImagingFrequency": 127.72,
    "InPlanePhaseEncodingDirectionDICOM": "COL",
    "InstitutionName": "TEL_AVIV_MEDICAL_CENTER",
    "MRAcquisitionType": "2D",
    "MagneticFieldStrength": 3,
    "Manufacturer": "GE",
    "ManufacturersModelName": "Signa_HDxt",
    "Modality": "MR",
    "PatientPosition": "HFS",
    "PercentPhaseFOV": 100,
    "PhaseEncodingDirection": "j",
    "PhaseEncodingPolarityGE": "Flipped",
    "PixelBandwidth": 7812.5,
    "ProtocolName": "AV_scenes_long",
    "ReconMatrixPE": 64,
    "RepetitionTime": 2,
    "SAR": 0.261162,
    "ScanOptions": "EPI_GEMS_ACC_GEMS",
    "ScanningSequence": "EP_GR",
    "SequenceVariant": "SS",
    "SeriesDescription": "AV_scenes_long",
    "SeriesNumber": 10,
    "SliceThickness": 2.5,
    "SliceTiming": [
      0.971429,
      1.94286,
      0.914286,
      1.88571,
      0.857143,
      1.82857,
      0.8,
      1.77143,
      0.742857,
      1.71429,
      0.685714,
      1.65714,
      0.628571,
      1.6,
      0.571429,
      1.54286,
      0.514286,
      1.48571,
      0.457143,
      1.42857,
      0.4,
      1.37143,
      0.342857,
      1.31429,
      0.285714,
      1.25714,
      0.228571,
      1.2,
      0.171429,
      1.14286,
      0.114286,
      1.08571,
      0.0571429,
      1.02857,
      0
    ],
    "SoftwareVersions": "24_LX_MR_Software_release:HD16.0_V02_1131.a",
    "SpacingBetweenSlices": 2.7,
    "StationName": "mr3-HDx",
    "TaskName": "AVSceneslong",
    "TotalReadoutTime": 0.044604,
    "dataset": "ds002715",
    "modality": "bold",
    "run_id": 1,
    "session_id": "mri",
    "subject_id": "03",
    "task_id": "AVSceneslong"
  },
  "dummy_trs": 2,
  "dvars_nstd": 14.445286150136988,
  "dvars_std": 1.026600514155251,
  "dvars_vstd": 0.9212021140639269,
  "efc": 0.48435435503088775,
  "fber": 71644.3046875,
  "fd_mean": 0.09345224200035963,
  "fd_num": 15,
  "fd_perc": 6.818181818181818,
  "fwhm_avg": 2.349587248332337,
  "fwhm_x": 2.2194039215686274,
  "fwhm_y": 2.479761568627451,
  "fwhm_z": 2.3495962548009333,
  "gcor": 0.0429793,
  "gsr_x": -0.011424416676163673,
  "gsr_y": 0.019859783351421356,
  "provenance": {
    "md5sum": "1d6962ee5cbdac1649941f12a1ec52f1",
    "settings": {
      "fd_thres": 0.2,
      "testing": false
    },
    "software": "mriqc",
    "version": "22.0.6",
    "webapi_port": null,
    "webapi_url": "https://mriqc.nimh.nih.gov/api/v1"
  },
  "size_t": 220,
  "size_x": 64,
  "size_y": 64,
  "size_z": 35,
  "snr": 7.4078996851021355,
  "spacing_tr": 2.0,
  "spacing_x": 3.1875,
  "spacing_y": 3.1875,
  "spacing_z": 2.700000047683716,
  "summary_bg_k": 32.72823962649402,
  "summary_bg_mad": 31.036929855484384,
  "summary_bg_mean": 115.51325225830078,
  "summary_bg_median": 20.96136474609375,
  "summary_bg_n": 85716.0,
  "summary_bg_p05": 0.0,
  "summary_bg_p95": 489.85111236572266,
  "summary_bg_stdv": 253.8979034423828,
  "summary_fg_k": 1.3741390373513767,
  "summary_fg_mad": 608.4800756415323,
  "summary_fg_mean": 4827.04931640625,
  "summary_fg_median": 4843.39306640625,
  "summary_fg_n": 27380.0,
  "summary_fg_p05": 3713.5049438476562,
  "summary_fg_p95": 5835.069604492188,
  "summary_fg_stdv": 653.8026733398438,
  "tsnr": 71.53937029466033
}