{
  "bids_meta": {
    "AcquisitionMatrixPE": 256,
    "AcquisitionNumber": 1,
    "AcquisitionTime": "21:40:33.000000",
    "CoilString": "8HRBRAIN",
    "ConversionSoftware": "dcm2niix",
    "ConversionSoftwareVersion": "v1.0.20190902",
    "DeviceSerialNumber": "0000000000IL1028",
    "EchoTime": 0.003488,
    "FlipAngle": 13,
    "ImageOrientationPatientDICOM": [
      0.997447,
      0.0329298,
      0.0633571,
      -0.0364391,
      0.997803,
      0.0553301
    ],
    "ImageType": [
      "ORIGINAL",
      "PRIMARY",
      "OTHER"
    ],
    "ImagingFrequency": 127.72,
    "InPlanePhaseEncodingDirectionDICOM": "ROW",
    "InstitutionName": "TEL_AVIV_MEDICAL_CENTER",
    "InversionTime": 0.45,
    "MRAcquisitionType": "3D",
    "MagneticFieldStrength": 3,
    "Manufacturer": "GE",
    "ManufacturersModelName": "Signa_HDxt",
    "Modality": "MR",
    "PatientPosition": "HFS",
    "PercentPhaseFOV": 100,
    "PixelBandwidth": 97.6562,
    "ProtocolName": "Ax_FSPGR_BRAVO",
    "ReconMatrixPE": 512,
    "RepetitionTime": 0.008904,
    "SAR": 0.219911,
    "ScanOptions": "FAST_GEMS_EDR_GEMS_FILTERED_GEMS_ACC_GEMS",
    "ScanningSequence": "GR",
    "SequenceVariant": "SS_SK",
    "SeriesDescription": "Ax_FSPGR_BRAVO",
    "SeriesNumber": 14,
    "SliceThickness": 1,
    "SoftwareVersions": "24_LX_MR_Software_release:HD16.0_V02_1131.a",
    "SpacingBetweenSlices": 1,
    "StationName": "mr3-HDx",
    "dataset": "ds002715",
    "modality": "T1w",
    "run_id": 1,
    "session_id": "mri",
    "subject_id": "04"
  },
  "cjv": 0.3319142340101275,
  "cnr": 3.9916633423095123,
  "efc": 0.5701846669254567,
  "fber": -1.0,
  "fwhm_avg": 5.146073287339033,
  "fwhm_x": 6.15672,
  "fwhm_y": 6.02778,
  "fwhm_z": 3.2537198620170997,
  "icvs_csf": 0.2393352820263318,
  "icvs_gm": 0.4231666346120115,
  "icvs_wm": 0.3374980833616567,
  "inu_med": 0.5609412789344788,
  "inu_range": 0.1753911107778549,
  "provenance": {
    "md5sum": "9100ee1de168eed13ae28e297ace44d0",
    "settings": {
      "testing": false
    },
    "software": "mriqc",
    "version": "22.0.6",
    "warnings": {
      "large_rot_frame": true,
      "small_air_mask": false
    },
    "webapi_port": null,
    "webapi_url": "https://mriqc.nimh.nih.gov/api/v1"
  },
  "qi_1": 0.0,
  "qi_2": 0.00018021722348194339,
  "rpve_csf": 27.23754101674039,
  "rpve_gm": 15.329080755568206,
  "rpve_wm": 21.282299788212026,
  "size_x": 512,
  "size_y": 512,
  "size_z": 154,
  "snr_csf": 1.699310176129137,
  "snr_gm": 14.107655444092591,
  "snr_total": 12.206959547304365,
  "snr_wm": 20.813913021691366,
  "snrd_csf": 6.260724782914612,
  "snrd_gm": 21.62954639008056,
  "snrd_total": 19.459565516042076,
  "snrd_wm": 30.48842537513105,
  "spacing_x": 0.5,
  "spacing_y": 0.5,
  "spacing_z": 0.9998924732208252,
  "summary_bg_k": 160.63784172300691,
  "summary_bg_mad": 0.0,
  "summary_bg_mean": 11.44109822527632,
  "summary_bg_median": 0.0,
  "summary_bg_n": 4175903.0,
  "summary_bg_p05": 0.0,
  "summary_bg_p95": 52.33202274888754,
  "summary_bg_stdv": 21.488857770192514,
  "summary_csf_k": 19.900361547795868,
  "summary_csf_mad": 125.66921499675269,
  "summary_csf_mean": 218.64968192311616,
  "summary_csf_median": 205.35544109344482,
  "summary_csf_n": 250462.0,
  "summary_csf_p05": 55.42801577355717,
  "summary_csf_p95": 423.698391482234,
  "summary_csf_stdv": 120.8461139257848,
  "summary_gm_k": 0.09043729123062683,
  "summary_gm_mad": 50.46023909964247,
  "summary_gm_mean": 709.5079047441309,
  "summary_gm_median": 709.4617945365608,
  "summary_gm_n": 238457.0,
  "summary_gm_p05": 627.4494931921363,
  "summary_gm_p95": 791.3976987674832,
  "summary_gm_stdv": 50.28902993392742,
  "summary_wm_k": 0.5877675198900487,
  "summary_wm_mad": 45.98621116600414,
  "summary_wm_mean": 1002.8403065551595,
  "summary_wm_median": 1000.0382157415152,
  "summary_wm_n": 661805.0,
  "summary_wm_p05": 929.2562900818884,
  "summary_wm_p95": 1086.366953998804,
  "summary_wm_stdv": 48.04658591398013,
  "tpm_overlap_csf": 0.1350067301313506,
  "tpm_overlap_gm": 0.4535876774322179,
  "tpm_overlap_wm": 0.4777172478106321,
  "wm2max": 0.49931339639914557
}