{
  "aor": 0.0038132420091324198,
  "aqi": 0.006445358812785388,
  "bids_meta": {
    "AcquisitionMatrixPE": 64,
    "AcquisitionNumber": 1,
    "AcquisitionTime": "12:15:2.000000",
    "CoilString": "8HRBRAIN",
    "ConversionSoftware": "dcm2niix",
    "ConversionSoftwareVersion": "v1.0.20190902",
    "DeviceSerialNumber": "0000000000IL1028",
    "EchoTime": 0.03,
    "EffectiveEchoSpacing": 0.00066,
    "FlipAngle": 77,
    "ImageOrientationPatientDICOM": [
      0.995045,
      0.00479132,
      0.0993062,
      0.0220038,
      0.963469,
      -0.266915
    ],
    "ImageType": [
      "ORIGINAL",
      "PRIMARY",
      "EPI",
      "NONE"
    ],
    "ImagingFrequency": 127.72,
    "InPlanePhaseEncodingDirectionDICOM": "COL",
    "InstitutionName": "TEL_AVIV_MEDICAL_CENTER",
    "MRAcquisitionType": "2D",
    "MagneticFieldStrength": 3,
    "Manufacturer": "GE",
    "ManufacturersModelName": "Signa_HDxt",
    "Modality": "MR",
    "PatientPosition": "HFS",
    "PercentPhaseFOV": 100,
    "PhaseEncodingDirection": "j",
    "PhaseEncodingPolarityGE": "Flipped",
    "PixelBandwidth": 7812.5,
    "ProtocolName": "AV_scenes_long",
    "ReconMatrixPE": 64,
    "RepetitionTime": 2,
    "SAR": 0.275982,
    "ScanOptions": "EPI_GEMS_ACC_GEMS",
    "ScanningSequence": "EP_GR",
    "SequenceVariant": "SS",
    "SeriesDescription": "AV_scenes_long",
    "SeriesNumber": 12,
    "SliceThickness": 2.5,
    "SliceTiming": [
      0.971429,
      1.94286,
      0.914286,
      1.88571,
      0.857143,
      1.82857,
      0.8,
      1.77143,
      0.742857,
      1.71429,
      0.685714,
      1.65714,
      0.628571,
      1.6,
      0.571429,
      1.54286,
      0.514286,
      1.48571,
      0.457143,
      1.42857,
      0.4,
      1.37143,
      0.342857,
      1.31429,
      0.285714,
      1.25714,
      0.228571,
      1.2,
      0.171429,
      1.14286,
      0.114286,
      1.08571,
      0.0571429,
      1.02857,
      0
    ],
    "SoftwareVersions": "24_LX_MR_Software_release:HD16.0_V02_1131.a",
    "SpacingBetweenSlices": 2.7,
    "StationName": "mr3-HDx",
    "TaskName": "AVSceneslong",
    "TotalReadoutTime": 0.04158,
    "dataset": "ds002715",
    "modality": "bold",
    "run_id": 2,
    "session_id": "mri",
    "subject_id": "05",
    "task_id": "AVSceneslong"
  },
  "dummy_trs": 3,
  "dvars_nstd": 17.83281105848624,
  "dvars_std": 1.1417403926605505,
  "dvars_vstd": 0.9947014691743116,
  "efc": 0.5479394936642621,
  "fber": 47613.484375,
  "fd_mean": 0.09355134767783316,
  "fd_num": 18,
  "fd_perc": 8.219178082191782,
  "fwhm_avg": 2.1899525071472894,
  "fwhm_x": 2.0474070588235294,
  "fwhm_y": 2.3263560784313726,
  "fwhm_z": 2.196094384186966,
  "gcor": 0.030038,
  "gsr_x": 0.0068778786808252335,
  "gsr_y": 0.021315082907676697,
  "provenance": {
    "md5sum": "7b8bbd75288cb848019a1649cdefb8ac",
    "settings": {
      "fd_thres": 0.2,
      "testing": false
    },
    "software": "mriqc",
    "version": "22.0.6",
    "webapi_port": null,
    "webapi_url": "https://mriqc.nimh.nih.gov/api/v1"
  },
  "size_t": 219,
  "size_x": 64,
  "size_y": 64,
  "size_z": 35,
  "snr": 6.60909117910962,
  "spacing_tr": 2.0,
  "spacing_x": 3.1875,
  "spacing_y": 3.1875,
  "spacing_z": 2.699833869934082,
  "summary_bg_k": 19.53366324583422,
  "summary_bg_mad": 34.20139858076405,
  "summary_bg_mean": 182.36053466796875,
  "summary_bg_median": 23.095890045166016,
  "summary_bg_n": 76995.0,
  "summary_bg_p05": 0.0,
  "summary_bg_p95": 905.931921386719,
  "summary_bg_stdv": 419.05108642578125,
  "summary_fg_k": 1.9585919354715662,
  "summary_fg_mad": 661.707522281104,
  "summary_fg_mean": 4930.49365234375,
  "summary_fg_median": 4907.7578125,
  "summary_fg_n": 34687.0,
  "summary_fg_p05": 3779.250537109375,
  "summary_fg_p95": 6125.990624999999,
  "summary_fg_stdv": 742.5661010742188,
  "tsnr": 74.3058699676767
}