{
  "aor": 0.0023921363636363636,
  "aqi": 0.004276124409090909,
  "bids_meta": {
    "AcquisitionMatrixPE": 64,
    "AcquisitionNumber": 1,
    "AcquisitionTime": "21:07:48.000000",
    "CoilString": "8HRBRAIN",
    "ConversionSoftware": "dcm2niix",
    "ConversionSoftwareVersion": "v1.0.20190902",
    "DeviceSerialNumber": "0000000000IL1028",
    "EchoTime": 0.03,
    "EffectiveEchoSpacing": 0.000672,
    "FlipAngle": 77,
    "ImageOrientationPatientDICOM": [
      0.995886,
      0.0393996,
      0.081607,
      -0.0401933,
      0.999158,
      0.00827061
    ],
    "ImageType": [
      "ORIGINAL",
      "PRIMARY",
      "EPI",
      "NONE"
    ],
    "ImagingFrequency": 127.72,
    "InPlanePhaseEncodingDirectionDICOM": "COL",
    "InstitutionName": "TEL_AVIV_MEDICAL_CENTER",
    "MRAcquisitionType": "2D",
    "MagneticFieldStrength": 3,
    "Manufacturer": "GE",
    "ManufacturersModelName": "Signa_HDxt",
    "Modality": "MR",
    "PatientPosition": "HFS",
    "PercentPhaseFOV": 100,
    "PhaseEncodingDirection": "j",
    "PhaseEncodingPolarityGE": "Flipped",
    "PixelBandwidth": 7812.5,
    "ProtocolName": "AV_scenes_long",
    "ReconMatrixPE": 64,
    "RepetitionTime": 2,
    "SAR": 0.270005,
    "ScanOptions": "EPI_GEMS_ACC_GEMS",
    "ScanningSequence": "EP_GR",
    "SequenceVariant": "SS",
    "SeriesDescription": "AV_scenes_long",
    "SeriesNumber": 9,
    "SliceThickness": 2.5,
    "SliceTiming": [
      0.971429,
      1.94286,
      0.914286,
      1.88571,
      0.857143,
      1.82857,
      0.8,
      1.77143,
      0.742857,
      1.71429,
      0.685714,
      1.65714,
      0.628571,
      1.6,
      0.571429,
      1.54286,
      0.514286,
      1.48571,
      0.457143,
      1.42857,
      0.4,
      1.37143,
      0.342857,
      1.31429,
      0.285714,
      1.25714,
      0.228571,
      1.2,
      0.171429,
      1.14286,
      0.114286,
      1.08571,
      0.0571429,
      1.02857,
      0
    ],
    "SoftwareVersions": "24_LX_MR_Software_release:HD16.0_V02_1131.a",
    "SpacingBetweenSlices": 2.7,
    "StationName": "mr3-HDx",
    "TaskName": "AVSceneslong",
    "TotalReadoutTime": 0.042336,
    "dataset": "ds002715",
    "modality": "bold",
    "run_id": 1,
    "session_id": "mri",
    "subject_id": "04",
    "task_id": "AVSceneslong"
  },
  "dummy_trs": 2,
  "dvars_nstd": 14.276517763424668,
  "dvars_std": 1.0629146863926944,
  "dvars_vstd": 1.0042814542009129,
  "efc": 0.46921048997834613,
  "fber": 22018.048828125,
  "fd_mean": 0.14565446178801034,
  "fd_num": 45,
  "fd_perc": 20.454545454545453,
  "fwhm_avg": 2.6845161351117617,
  "fwhm_x": 2.525552941176471,
  "fwhm_y": 2.8200658823529414,
  "fwhm_z": 2.7079295818058724,
  "gcor": 0.0431763,
  "gsr_x": -0.0022350025828927755,
  "gsr_y": 0.0070049636997282505,
  "provenance": {
    "md5sum": "b8b5342373258769b0f0e596a3001885",
    "settings": {
      "fd_thres": 0.2,
      "testing": false
    },
    "software": "mriqc",
    "version": "22.0.6",
    "webapi_port": null,
    "webapi_url": "https://mriqc.nimh.nih.gov/api/v1"
  },
  "size_t": 220,
  "size_x": 64,
  "size_y": 64,
  "size_z": 35,
  "snr": 6.210334768707377,
  "spacing_tr": 2.0,
  "spacing_x": 3.1875,
  "spacing_y": 3.1875,
  "spacing_z": 2.700000047683716,
  "summary_bg_k": 26.577673182195458,
  "summary_bg_mad": 44.238827217867275,
  "summary_bg_mean": 116.33570098876953,
  "summary_bg_median": 30.015907287597656,
  "summary_bg_n": 88958.0,
  "summary_bg_p05": 0.004545454401522875,
  "summary_bg_p95": 519.1629180908199,
  "summary_bg_stdv": 242.81617736816406,
  "summary_fg_k": 0.9794104458420829,
  "summary_fg_mad": 571.6039650905279,
  "summary_fg_mean": 4066.320068359375,
  "summary_fg_median": 4143.69970703125,
  "summary_fg_n": 24469.0,
  "summary_fg_p05": 2796.343505859375,
  "summary_fg_p95": 5032.1744140625,
  "summary_fg_stdv": 667.2128295898438,
  "tsnr": 77.28896029642783
}