{
  "aor": 0.00038246575342465753,
  "aqi": 0.0040464216438356165,
  "bids_meta": {
    "AcquisitionMatrixPE": 64,
    "AcquisitionNumber": 1,
    "AcquisitionTime": "21:24:38.000000",
    "CoilString": "8HRBRAIN",
    "ConversionSoftware": "dcm2niix",
    "ConversionSoftwareVersion": "v1.0.20190902",
    "DeviceSerialNumber": "0000000000IL1028",
    "EchoTime": 0.03,
    "EffectiveEchoSpacing": 0.000672,
    "FlipAngle": 77,
    "ImageOrientationPatientDICOM": [
      0.995886,
      0.0393996,
      0.081607,
      -0.0401933,
      0.999158,
      0.00827061
    ],
    "ImageType": [
      "ORIGINAL",
      "PRIMARY",
      "EPI",
      "NONE"
    ],
    "ImagingFrequency": 127.72,
    "InPlanePhaseEncodingDirectionDICOM": "COL",
    "InstitutionName": "TEL_AVIV_MEDICAL_CENTER",
    "MRAcquisitionType": "2D",
    "MagneticFieldStrength": 3,
    "Manufacturer": "GE",
    "ManufacturersModelName": "Signa_HDxt",
    "Modality": "MR",
    "PatientPosition": "HFS",
    "PercentPhaseFOV": 100,
    "PhaseEncodingDirection": "j",
    "PhaseEncodingPolarityGE": "Flipped",
    "PixelBandwidth": 7812.5,
    "ProtocolName": "AV_scenes_long",
    "ReconMatrixPE": 64,
    "RepetitionTime": 2,
    "SAR": 0.270005,
    "ScanOptions": "EPI_GEMS_ACC_GEMS",
    "ScanningSequence": "EP_GR",
    "SequenceVariant": "SS",
    "SeriesDescription": "AV_scenes_long",
    "SeriesNumber": 12,
    "SliceThickness": 2.5,
    "SliceTiming": [
      0.971429,
      1.94286,
      0.914286,
      1.88571,
      0.857143,
      1.82857,
      0.8,
      1.77143,
      0.742857,
      1.71429,
      0.685714,
      1.65714,
      0.628571,
      1.6,
      0.571429,
      1.54286,
      0.514286,
      1.48571,
      0.457143,
      1.42857,
      0.4,
      1.37143,
      0.342857,
      1.31429,
      0.285714,
      1.25714,
      0.228571,
      1.2,
      0.171429,
      1.14286,
      0.114286,
      1.08571,
      0.0571429,
      1.02857,
      0
    ],
    "SoftwareVersions": "24_LX_MR_Software_release:HD16.0_V02_1131.a",
    "SpacingBetweenSlices": 2.7,
    "StationName": "mr3-HDx",
    "TaskName": "AVSceneslong",
    "TotalReadoutTime": 0.042336,
    "dataset": "ds002715",
    "modality": "bold",
    "run_id": 3,
    "session_id": "mri",
    "subject_id": "04",
    "task_id": "AVSceneslong"
  },
  "dummy_trs": 3,
  "dvars_nstd": 13.469447350091748,
  "dvars_std": 1.0411696610550458,
  "dvars_vstd": 0.9701289885321104,
  "efc": 0.4689959745635665,
  "fber": 22439.837890625,
  "fd_mean": 0.07778189805174493,
  "fd_num": 4,
  "fd_perc": 1.82648401826484,
  "fwhm_avg": 2.6486966579340074,
  "fwhm_x": 2.4645176470588233,
  "fwhm_y": 2.7645427450980393,
  "fwhm_z": 2.7170295816451606,
  "gcor": 0.0694231,
  "gsr_x": -0.002504604170098901,
  "gsr_y": 0.006431207992136478,
  "provenance": {
    "md5sum": "9784d174950a5af79e5aea2149258cf1",
    "settings": {
      "fd_thres": 0.2,
      "testing": false
    },
    "software": "mriqc",
    "version": "22.0.6",
    "webapi_port": null,
    "webapi_url": "https://mriqc.nimh.nih.gov/api/v1"
  },
  "size_t": 219,
  "size_x": 64,
  "size_y": 64,
  "size_z": 35,
  "snr": 6.3238343786331646,
  "spacing_tr": 2.0,
  "spacing_x": 3.1875,
  "spacing_y": 3.1875,
  "spacing_z": 2.700000047683716,
  "summary_bg_k": 25.473759014750986,
  "summary_bg_mad": 44.1192616150744,
  "summary_bg_mean": 117.65730285644531,
  "summary_bg_median": 29.794519424438477,
  "summary_bg_n": 89066.0,
  "summary_bg_p05": 0.0,
  "summary_bg_p95": 532.4942626953125,
  "summary_bg_stdv": 245.21701049804688,
  "summary_fg_k": 0.9173933215391208,
  "summary_fg_mad": 568.0161835500427,
  "summary_fg_mean": 4092.32177734375,
  "summary_fg_median": 4165.177734375,
  "summary_fg_n": 24446.0,
  "summary_fg_p05": 2833.1471557617188,
  "summary_fg_p95": 5052.2337646484375,
  "summary_fg_stdv": 658.634033203125,
  "tsnr": 81.90670257492457
}