{
  "aor": 0.0007226484018264841,
  "aqi": 0.004099124611872146,
  "bids_meta": {
    "AcquisitionMatrixPE": 64,
    "AcquisitionNumber": 1,
    "AcquisitionTime": "21:15:45.000000",
    "CoilString": "8HRBRAIN",
    "ConversionSoftware": "dcm2niix",
    "ConversionSoftwareVersion": "v1.0.20190902",
    "DeviceSerialNumber": "0000000000IL1028",
    "EchoTime": 0.03,
    "EffectiveEchoSpacing": 0.000672,
    "FlipAngle": 77,
    "ImageOrientationPatientDICOM": [
      0.995886,
      0.0393996,
      0.081607,
      -0.0401933,
      0.999158,
      0.00827061
    ],
    "ImageType": [
      "ORIGINAL",
      "PRIMARY",
      "EPI",
      "NONE"
    ],
    "ImagingFrequency": 127.72,
    "InPlanePhaseEncodingDirectionDICOM": "COL",
    "InstitutionName": "TEL_AVIV_MEDICAL_CENTER",
    "MRAcquisitionType": "2D",
    "MagneticFieldStrength": 3,
    "Manufacturer": "GE",
    "ManufacturersModelName": "Signa_HDxt",
    "Modality": "MR",
    "PatientPosition": "HFS",
    "PercentPhaseFOV": 100,
    "PhaseEncodingDirection": "j",
    "PhaseEncodingPolarityGE": "Flipped",
    "PixelBandwidth": 7812.5,
    "ProtocolName": "AV_scenes_long",
    "ReconMatrixPE": 64,
    "RepetitionTime": 2,
    "SAR": 0.270005,
    "ScanOptions": "EPI_GEMS_ACC_GEMS",
    "ScanningSequence": "EP_GR",
    "SequenceVariant": "SS",
    "SeriesDescription": "AV_scenes_long",
    "SeriesNumber": 10,
    "SliceThickness": 2.5,
    "SliceTiming": [
      0.971429,
      1.94286,
      0.914286,
      1.88571,
      0.857143,
      1.82857,
      0.8,
      1.77143,
      0.742857,
      1.71429,
      0.685714,
      1.65714,
      0.628571,
      1.6,
      0.571429,
      1.54286,
      0.514286,
      1.48571,
      0.457143,
      1.42857,
      0.4,
      1.37143,
      0.342857,
      1.31429,
      0.285714,
      1.25714,
      0.228571,
      1.2,
      0.171429,
      1.14286,
      0.114286,
      1.08571,
      0.0571429,
      1.02857,
      0
    ],
    "SoftwareVersions": "24_LX_MR_Software_release:HD16.0_V02_1131.a",
    "SpacingBetweenSlices": 2.7,
    "StationName": "mr3-HDx",
    "TaskName": "AVSceneslong",
    "TotalReadoutTime": 0.042336,
    "dataset": "ds002715",
    "modality": "bold",
    "run_id": 2,
    "session_id": "mri",
    "subject_id": "04",
    "task_id": "AVSceneslong"
  },
  "dummy_trs": 3,
  "dvars_nstd": 13.437612822522926,
  "dvars_std": 1.0496996122935782,
  "dvars_vstd": 0.9775527665596324,
  "efc": 0.47120407133559794,
  "fber": 22361.8515625,
  "fd_mean": 0.07771626055837527,
  "fd_num": 6,
  "fd_perc": 2.73972602739726,
  "fwhm_avg": 2.6372179361835175,
  "fwhm_x": 2.4559749019607846,
  "fwhm_y": 2.757101176470588,
  "fwhm_z": 2.69857773011918,
  "gcor": 0.0752531,
  "gsr_x": -0.002905687317252159,
  "gsr_y": 0.008129572495818138,
  "provenance": {
    "md5sum": "a4355307249a1a163c4cee715697abb9",
    "settings": {
      "fd_thres": 0.2,
      "testing": false
    },
    "software": "mriqc",
    "version": "22.0.6",
    "webapi_port": null,
    "webapi_url": "https://mriqc.nimh.nih.gov/api/v1"
  },
  "size_t": 219,
  "size_x": 64,
  "size_y": 64,
  "size_z": 35,
  "snr": 6.283104111433725,
  "spacing_tr": 2.0,
  "spacing_x": 3.1875,
  "spacing_y": 3.1875,
  "spacing_z": 2.700000047683716,
  "summary_bg_k": 25.642065629894002,
  "summary_bg_mad": 43.83492802768293,
  "summary_bg_mean": 118.06668090820312,
  "summary_bg_median": 29.602739334106445,
  "summary_bg_n": 88771.0,
  "summary_bg_p05": 0.0,
  "summary_bg_p95": 531.3378601074219,
  "summary_bg_stdv": 244.4460906982422,
  "summary_fg_k": 0.9398596122791347,
  "summary_fg_mad": 565.6228813359902,
  "summary_fg_mean": 4056.27685546875,
  "summary_fg_median": 4130.529296875,
  "summary_fg_n": 24701.0,
  "summary_fg_p05": 2803.853759765625,
  "summary_fg_p95": 5020.83544921875,
  "summary_fg_stdv": 657.3893432617188,
  "tsnr": 81.48063934664242
}