{
  "aor": 0.002209681818181818,
  "aqi": 0.004611141363636364,
  "bids_meta": {
    "AcquisitionMatrixPE": 64,
    "AcquisitionNumber": 1,
    "AcquisitionTime": "21:32:39.000000",
    "CoilString": "8HRBRAIN",
    "ConversionSoftware": "dcm2niix",
    "ConversionSoftwareVersion": "v1.0.20190902",
    "DeviceSerialNumber": "0000000000IL1028",
    "EchoTime": 0.03,
    "EffectiveEchoSpacing": 0.000672,
    "FlipAngle": 77,
    "ImageOrientationPatientDICOM": [
      0.995886,
      0.0393996,
      0.081607,
      -0.0401933,
      0.999158,
      0.00827061
    ],
    "ImageType": [
      "ORIGINAL",
      "PRIMARY",
      "EPI",
      "NONE"
    ],
    "ImagingFrequency": 127.72,
    "InPlanePhaseEncodingDirectionDICOM": "COL",
    "InstitutionName": "TEL_AVIV_MEDICAL_CENTER",
    "MRAcquisitionType": "2D",
    "MagneticFieldStrength": 3,
    "Manufacturer": "GE",
    "ManufacturersModelName": "Signa_HDxt",
    "Modality": "MR",
    "PatientPosition": "HFS",
    "PercentPhaseFOV": 100,
    "PhaseEncodingDirection": "j",
    "PhaseEncodingPolarityGE": "Flipped",
    "PixelBandwidth": 7812.5,
    "ProtocolName": "AV_scenes_long",
    "ReconMatrixPE": 64,
    "RepetitionTime": 2,
    "SAR": 0.270005,
    "ScanOptions": "EPI_GEMS_ACC_GEMS",
    "ScanningSequence": "EP_GR",
    "SequenceVariant": "SS",
    "SeriesDescription": "AV_scenes_long",
    "SeriesNumber": 13,
    "SliceThickness": 2.5,
    "SliceTiming": [
      0.971429,
      1.94286,
      0.914286,
      1.88571,
      0.857143,
      1.82857,
      0.8,
      1.77143,
      0.742857,
      1.71429,
      0.685714,
      1.65714,
      0.628571,
      1.6,
      0.571429,
      1.54286,
      0.514286,
      1.48571,
      0.457143,
      1.42857,
      0.4,
      1.37143,
      0.342857,
      1.31429,
      0.285714,
      1.25714,
      0.228571,
      1.2,
      0.171429,
      1.14286,
      0.114286,
      1.08571,
      0.0571429,
      1.02857,
      0
    ],
    "SoftwareVersions": "24_LX_MR_Software_release:HD16.0_V02_1131.a",
    "SpacingBetweenSlices": 2.7,
    "StationName": "mr3-HDx",
    "TaskName": "AVSceneslong",
    "TotalReadoutTime": 0.042336,
    "dataset": "ds002715",
    "modality": "bold",
    "run_id": 4,
    "session_id": "mri",
    "subject_id": "04",
    "task_id": "AVSceneslong"
  },
  "dummy_trs": 2,
  "dvars_nstd": 13.340788732328773,
  "dvars_std": 1.0509554515981736,
  "dvars_vstd": 0.991844326940639,
  "efc": 0.46956077464298623,
  "fber": 22019.52734375,
  "fd_mean": 0.10677776656889477,
  "fd_num": 18,
  "fd_perc": 8.181818181818182,
  "fwhm_avg": 2.643363136051301,
  "fwhm_x": 2.491717647058824,
  "fwhm_y": 2.7666792156862745,
  "fwhm_z": 2.6716925454088045,
  "gcor": 0.0525241,
  "gsr_x": -0.0018219297053292394,
  "gsr_y": 0.007496016565710306,
  "provenance": {
    "md5sum": "69c42f999664f828d70eb1aee3d8ba10",
    "settings": {
      "fd_thres": 0.2,
      "testing": false
    },
    "software": "mriqc",
    "version": "22.0.6",
    "webapi_port": null,
    "webapi_url": "https://mriqc.nimh.nih.gov/api/v1"
  },
  "size_t": 220,
  "size_x": 64,
  "size_y": 64,
  "size_z": 35,
  "snr": 6.347556236552754,
  "spacing_tr": 2.0,
  "spacing_x": 3.1875,
  "spacing_y": 3.1875,
  "spacing_z": 2.700000047683716,
  "summary_bg_k": 25.911765374374635,
  "summary_bg_mad": 44.85545452533117,
  "summary_bg_mean": 119.3858871459961,
  "summary_bg_median": 30.44999885559082,
  "summary_bg_n": 89073.0,
  "summary_bg_p05": 0.004545454401522875,
  "summary_bg_p95": 536.4509033203102,
  "summary_bg_stdv": 248.13868713378906,
  "summary_fg_k": 1.0772012479093913,
  "summary_fg_mad": 570.3740133477345,
  "summary_fg_mean": 4104.9697265625,
  "summary_fg_median": 4171.474609375,
  "summary_fg_n": 24458.0,
  "summary_fg_p05": 2868.519274902344,
  "summary_fg_p95": 5071.157739257813,
  "summary_fg_stdv": 657.1646118164062,
  "tsnr": 76.26529094576836
}