{
  "aor": 0.016130608695652172,
  "aqi": 0.012565286782608695,
  "bids_meta": {
    "AcquisitionMatrixPE": 64,
    "AcquisitionNumber": 1,
    "AcquisitionTime": "20:09:31.000000",
    "CoilString": "8HRBRAIN",
    "ConversionSoftware": "dcm2niix",
    "ConversionSoftwareVersion": "v1.0.20190902",
    "DeviceSerialNumber": "0000000000IL1028",
    "EchoTime": 0.03,
    "EffectiveEchoSpacing": 0.000664,
    "FlipAngle": 77,
    "ImageOrientationPatientDICOM": [
      0.999715,
      0.0238347,
      -0.00122073,
      -0.0237739,
      0.990508,
      -0.13538
    ],
    "ImageType": [
      "ORIGINAL",
      "PRIMARY",
      "EPI",
      "NONE"
    ],
    "ImagingFrequency": 127.72,
    "InPlanePhaseEncodingDirectionDICOM": "COL",
    "InstitutionName": "TEL_AVIV_MEDICAL_CENTER",
    "MRAcquisitionType": "2D",
    "MagneticFieldStrength": 3,
    "Manufacturer": "GE",
    "ManufacturersModelName": "Signa_HDxt",
    "Modality": "MR",
    "PatientPosition": "HFS",
    "PercentPhaseFOV": 100,
    "PhaseEncodingDirection": "j",
    "PhaseEncodingPolarityGE": "Flipped",
    "PixelBandwidth": 7812.5,
    "ProtocolName": "AV_scenes_short",
    "ReconMatrixPE": 64,
    "RepetitionTime": 2,
    "SAR": 0.274422,
    "ScanOptions": "EPI_GEMS_ACC_GEMS",
    "ScanningSequence": "EP_GR",
    "SequenceVariant": "SS",
    "SeriesDescription": "AV_scenes_short",
    "SeriesNumber": 13,
    "SliceThickness": 2.5,
    "SliceTiming": [
      0.971429,
      1.94286,
      0.914286,
      1.88571,
      0.857143,
      1.82857,
      0.8,
      1.77143,
      0.742857,
      1.71429,
      0.685714,
      1.65714,
      0.628571,
      1.6,
      0.571429,
      1.54286,
      0.514286,
      1.48571,
      0.457143,
      1.42857,
      0.4,
      1.37143,
      0.342857,
      1.31429,
      0.285714,
      1.25714,
      0.228571,
      1.2,
      0.171429,
      1.14286,
      0.114286,
      1.08571,
      0.0571429,
      1.02857,
      0
    ],
    "SoftwareVersions": "24_LX_MR_Software_release:HD16.0_V02_1131.a",
    "SpacingBetweenSlices": 2.7,
    "StationName": "mr3-HDx",
    "TaskName": "AVScenesshort",
    "TotalReadoutTime": 0.041832,
    "dataset": "ds002715",
    "modality": "bold",
    "run_id": 4,
    "session_id": "mri",
    "subject_id": "01",
    "task_id": "AVScenesshort"
  },
  "dummy_trs": 2,
  "dvars_nstd": 17.602062492894735,
  "dvars_std": 1.148720800087719,
  "dvars_vstd": 1.0739309401754389,
  "efc": 0.49016343246311966,
  "fber": 40390.05078125,
  "fd_mean": 0.21502768483560505,
  "fd_num": 32,
  "fd_perc": 27.82608695652174,
  "fwhm_avg": 2.08275187722109,
  "fwhm_x": 2.0426321568627452,
  "fwhm_y": 2.215253333333333,
  "fwhm_z": 1.990370141467192,
  "gcor": 0.031099,
  "gsr_x": -0.006871390156447887,
  "gsr_y": 0.013289798982441425,
  "provenance": {
    "md5sum": "1fc4e4d0c0fe8696f2484c8856e8ab61",
    "settings": {
      "fd_thres": 0.2,
      "testing": false
    },
    "software": "mriqc",
    "version": "22.0.6",
    "webapi_port": null,
    "webapi_url": "https://mriqc.nimh.nih.gov/api/v1"
  },
  "size_t": 115,
  "size_x": 64,
  "size_y": 64,
  "size_z": 35,
  "snr": 7.946622016041394,
  "spacing_tr": 2.0,
  "spacing_x": 3.1875,
  "spacing_y": 3.1875,
  "spacing_z": 2.7001309394836426,
  "summary_bg_k": 31.75001723686791,
  "summary_bg_mad": 38.2124584224551,
  "summary_bg_mean": 125.43325805664062,
  "summary_bg_median": 25.93043327331543,
  "summary_bg_n": 85808.0,
  "summary_bg_p05": 0.008695651777088642,
  "summary_bg_p95": 564.4369384765622,
  "summary_bg_stdv": 295.1134338378906,
  "summary_fg_k": 2.9069741932442623,
  "summary_fg_mad": 523.2036627834735,
  "summary_fg_mean": 4652.6748046875,
  "summary_fg_median": 4681.9912109375,
  "summary_fg_n": 27731.0,
  "summary_fg_p05": 3667.3607177734375,
  "summary_fg_p95": 5511.521484375,
  "summary_fg_stdv": 589.16943359375,
  "tsnr": 62.47646347619593
}