{
  "aor": 0.00803122807017544,
  "aqi": 0.011631461315789474,
  "bids_meta": {
    "AcquisitionMatrixPE": 64,
    "AcquisitionNumber": 1,
    "AcquisitionTime": "20:00:27.000000",
    "CoilString": "8HRBRAIN",
    "ConversionSoftware": "dcm2niix",
    "ConversionSoftwareVersion": "v1.0.20190902",
    "DeviceSerialNumber": "0000000000IL1028",
    "EchoTime": 0.03,
    "EffectiveEchoSpacing": 0.000664,
    "FlipAngle": 77,
    "ImageOrientationPatientDICOM": [
      0.999715,
      0.0238347,
      -0.00122073,
      -0.0237739,
      0.990508,
      -0.13538
    ],
    "ImageType": [
      "ORIGINAL",
      "PRIMARY",
      "EPI",
      "NONE"
    ],
    "ImagingFrequency": 127.72,
    "InPlanePhaseEncodingDirectionDICOM": "COL",
    "InstitutionName": "TEL_AVIV_MEDICAL_CENTER",
    "MRAcquisitionType": "2D",
    "MagneticFieldStrength": 3,
    "Manufacturer": "GE",
    "ManufacturersModelName": "Signa_HDxt",
    "Modality": "MR",
    "PatientPosition": "HFS",
    "PercentPhaseFOV": 100,
    "PhaseEncodingDirection": "j",
    "PhaseEncodingPolarityGE": "Flipped",
    "PixelBandwidth": 7812.5,
    "ProtocolName": "AV_scenes_short",
    "ReconMatrixPE": 64,
    "RepetitionTime": 2,
    "SAR": 0.274422,
    "ScanOptions": "EPI_GEMS_ACC_GEMS",
    "ScanningSequence": "EP_GR",
    "SequenceVariant": "SS",
    "SeriesDescription": "AV_scenes_short",
    "SeriesNumber": 11,
    "SliceThickness": 2.5,
    "SliceTiming": [
      0.971429,
      1.94286,
      0.914286,
      1.88571,
      0.857143,
      1.82857,
      0.8,
      1.77143,
      0.742857,
      1.71429,
      0.685714,
      1.65714,
      0.628571,
      1.6,
      0.571429,
      1.54286,
      0.514286,
      1.48571,
      0.457143,
      1.42857,
      0.4,
      1.37143,
      0.342857,
      1.31429,
      0.285714,
      1.25714,
      0.228571,
      1.2,
      0.171429,
      1.14286,
      0.114286,
      1.08571,
      0.0571429,
      1.02857,
      0
    ],
    "SoftwareVersions": "24_LX_MR_Software_release:HD16.0_V02_1131.a",
    "SpacingBetweenSlices": 2.7,
    "StationName": "mr3-HDx",
    "TaskName": "AVScenesshort",
    "TotalReadoutTime": 0.041832,
    "dataset": "ds002715",
    "modality": "bold",
    "run_id": 2,
    "session_id": "mri",
    "subject_id": "01",
    "task_id": "AVScenesshort"
  },
  "dummy_trs": 3,
  "dvars_nstd": 14.943383604778765,
  "dvars_std": 1.0592149812389384,
  "dvars_vstd": 1.0198105015044248,
  "efc": 0.49086541379259846,
  "fber": 34034.1015625,
  "fd_mean": 0.22381581590053234,
  "fd_num": 41,
  "fd_perc": 35.96491228070175,
  "fwhm_avg": 2.1053210920190084,
  "fwhm_x": 2.007909019607843,
  "fwhm_y": 2.1518588235294116,
  "fwhm_z": 2.1561954329197706,
  "gcor": 0.0283745,
  "gsr_x": -0.009185250848531723,
  "gsr_y": 0.01659758947789669,
  "provenance": {
    "md5sum": "82c60ced8742f68daa50a7b3740ab389",
    "settings": {
      "fd_thres": 0.2,
      "testing": false
    },
    "software": "mriqc",
    "version": "22.0.6",
    "webapi_port": null,
    "webapi_url": "https://mriqc.nimh.nih.gov/api/v1"
  },
  "size_t": 114,
  "size_x": 64,
  "size_y": 64,
  "size_z": 35,
  "snr": 8.028389834629948,
  "spacing_tr": 2.0,
  "spacing_x": 3.1875,
  "spacing_y": 3.1875,
  "spacing_z": 2.7001309394836426,
  "summary_bg_k": 30.095366654173546,
  "summary_bg_mad": 40.752054308202894,
  "summary_bg_mean": 124.36943817138672,
  "summary_bg_median": 27.78508758544922,
  "summary_bg_n": 85760.0,
  "summary_bg_p05": 0.02631578966975212,
  "summary_bg_p95": 550.9789245605482,
  "summary_bg_stdv": 277.5325012207031,
  "summary_fg_k": 2.973709494332817,
  "summary_fg_mad": 513.1620732459289,
  "summary_fg_mean": 4649.2099609375,
  "summary_fg_median": 4675.30712890625,
  "summary_fg_n": 27741.0,
  "summary_fg_p05": 3686.868408203125,
  "summary_fg_p95": 5501.5439453125,
  "summary_fg_stdv": 582.3363037109375,
  "tsnr": 66.10866628214717
}