{
  "aor": 0.00846842105263158,
  "aqi": 0.012086715877192981,
  "bids_meta": {
    "AcquisitionMatrixPE": 64,
    "AcquisitionNumber": 1,
    "AcquisitionTime": "20:04:52.000000",
    "CoilString": "8HRBRAIN",
    "ConversionSoftware": "dcm2niix",
    "ConversionSoftwareVersion": "v1.0.20190902",
    "DeviceSerialNumber": "0000000000IL1028",
    "EchoTime": 0.03,
    "EffectiveEchoSpacing": 0.000664,
    "FlipAngle": 77,
    "ImageOrientationPatientDICOM": [
      0.999715,
      0.0238347,
      -0.00122073,
      -0.0237739,
      0.990508,
      -0.13538
    ],
    "ImageType": [
      "ORIGINAL",
      "PRIMARY",
      "EPI",
      "NONE"
    ],
    "ImagingFrequency": 127.72,
    "InPlanePhaseEncodingDirectionDICOM": "COL",
    "InstitutionName": "TEL_AVIV_MEDICAL_CENTER",
    "MRAcquisitionType": "2D",
    "MagneticFieldStrength": 3,
    "Manufacturer": "GE",
    "ManufacturersModelName": "Signa_HDxt",
    "Modality": "MR",
    "PatientPosition": "HFS",
    "PercentPhaseFOV": 100,
    "PhaseEncodingDirection": "j",
    "PhaseEncodingPolarityGE": "Flipped",
    "PixelBandwidth": 7812.5,
    "ProtocolName": "AV_scenes_short",
    "ReconMatrixPE": 64,
    "RepetitionTime": 2,
    "SAR": 0.274422,
    "ScanOptions": "EPI_GEMS_ACC_GEMS",
    "ScanningSequence": "EP_GR",
    "SequenceVariant": "SS",
    "SeriesDescription": "AV_scenes_short",
    "SeriesNumber": 12,
    "SliceThickness": 2.5,
    "SliceTiming": [
      0.971429,
      1.94286,
      0.914286,
      1.88571,
      0.857143,
      1.82857,
      0.8,
      1.77143,
      0.742857,
      1.71429,
      0.685714,
      1.65714,
      0.628571,
      1.6,
      0.571429,
      1.54286,
      0.514286,
      1.48571,
      0.457143,
      1.42857,
      0.4,
      1.37143,
      0.342857,
      1.31429,
      0.285714,
      1.25714,
      0.228571,
      1.2,
      0.171429,
      1.14286,
      0.114286,
      1.08571,
      0.0571429,
      1.02857,
      0
    ],
    "SoftwareVersions": "24_LX_MR_Software_release:HD16.0_V02_1131.a",
    "SpacingBetweenSlices": 2.7,
    "StationName": "mr3-HDx",
    "TaskName": "AVScenesshort",
    "TotalReadoutTime": 0.041832,
    "dataset": "ds002715",
    "modality": "bold",
    "run_id": 3,
    "session_id": "mri",
    "subject_id": "01",
    "task_id": "AVScenesshort"
  },
  "dummy_trs": 3,
  "dvars_nstd": 17.528946125221232,
  "dvars_std": 1.1395452728318582,
  "dvars_vstd": 1.0631649886725663,
  "efc": 0.49297418178143193,
  "fber": 35592.16796875,
  "fd_mean": 0.2612257673330034,
  "fd_num": 54,
  "fd_perc": 47.36842105263158,
  "fwhm_avg": 2.087705219277177,
  "fwhm_x": 2.0138039215686274,
  "fwhm_y": 2.1525615686274513,
  "fwhm_z": 2.0967501676354527,
  "gcor": 0.0430536,
  "gsr_x": -0.008252749219536781,
  "gsr_y": 0.018320800736546516,
  "provenance": {
    "md5sum": "501a269087ef8c4e62ab85567a6e6cb2",
    "settings": {
      "fd_thres": 0.2,
      "testing": false
    },
    "software": "mriqc",
    "version": "22.0.6",
    "webapi_port": null,
    "webapi_url": "https://mriqc.nimh.nih.gov/api/v1"
  },
  "size_t": 114,
  "size_x": 64,
  "size_y": 64,
  "size_z": 35,
  "snr": 8.164771530694187,
  "spacing_tr": 2.0,
  "spacing_x": 3.1875,
  "spacing_y": 3.1875,
  "spacing_z": 2.7001309394836426,
  "summary_bg_k": 30.92702482295104,
  "summary_bg_mad": 40.44642899072799,
  "summary_bg_mean": 127.80779266357422,
  "summary_bg_median": 27.491228103637695,
  "summary_bg_n": 85573.0,
  "summary_bg_p05": 0.008771929889917374,
  "summary_bg_p95": 561.915783691406,
  "summary_bg_stdv": 290.002685546875,
  "summary_fg_k": 3.1592982751114675,
  "summary_fg_mad": 510.93165457639,
  "summary_fg_mean": 4633.2890625,
  "summary_fg_median": 4658.052734375,
  "summary_fg_n": 27904.0,
  "summary_fg_p05": 3696.322473144531,
  "summary_fg_p95": 5454.490771484375,
  "summary_fg_stdv": 570.4959716796875,
  "tsnr": 66.60724474862218
}