{
  "aor": 0.005543727272727272,
  "aqi": 0.005891766772727273,
  "bids_meta": {
    "AcquisitionMatrixPE": 64,
    "AcquisitionNumber": 1,
    "AcquisitionTime": "12:06:21.000000",
    "CoilString": "8HRBRAIN",
    "ConversionSoftware": "dcm2niix",
    "ConversionSoftwareVersion": "v1.0.20190902",
    "DeviceSerialNumber": "0000000000IL1028",
    "EchoTime": 0.03,
    "EffectiveEchoSpacing": 0.00066,
    "FlipAngle": 77,
    "ImageOrientationPatientDICOM": [
      0.995045,
      0.00479132,
      0.0993062,
      0.0220038,
      0.963469,
      -0.266915
    ],
    "ImageType": [
      "ORIGINAL",
      "PRIMARY",
      "EPI",
      "NONE"
    ],
    "ImagingFrequency": 127.72,
    "InPlanePhaseEncodingDirectionDICOM": "COL",
    "InstitutionName": "TEL_AVIV_MEDICAL_CENTER",
    "MRAcquisitionType": "2D",
    "MagneticFieldStrength": 3,
    "Manufacturer": "GE",
    "ManufacturersModelName": "Signa_HDxt",
    "Modality": "MR",
    "PatientPosition": "HFS",
    "PercentPhaseFOV": 100,
    "PhaseEncodingDirection": "j",
    "PhaseEncodingPolarityGE": "Flipped",
    "PixelBandwidth": 7812.5,
    "ProtocolName": "AV_scenes_long",
    "ReconMatrixPE": 64,
    "RepetitionTime": 2,
    "SAR": 0.275982,
    "ScanOptions": "EPI_GEMS_ACC_GEMS",
    "ScanningSequence": "EP_GR",
    "SequenceVariant": "SS",
    "SeriesDescription": "AV_scenes_long",
    "SeriesNumber": 11,
    "SliceThickness": 2.5,
    "SliceTiming": [
      0.971429,
      1.94286,
      0.914286,
      1.88571,
      0.857143,
      1.82857,
      0.8,
      1.77143,
      0.742857,
      1.71429,
      0.685714,
      1.65714,
      0.628571,
      1.6,
      0.571429,
      1.54286,
      0.514286,
      1.48571,
      0.457143,
      1.42857,
      0.4,
      1.37143,
      0.342857,
      1.31429,
      0.285714,
      1.25714,
      0.228571,
      1.2,
      0.171429,
      1.14286,
      0.114286,
      1.08571,
      0.0571429,
      1.02857,
      0
    ],
    "SoftwareVersions": "24_LX_MR_Software_release:HD16.0_V02_1131.a",
    "SpacingBetweenSlices": 2.7,
    "StationName": "mr3-HDx",
    "TaskName": "AVSceneslong",
    "TotalReadoutTime": 0.04158,
    "dataset": "ds002715",
    "modality": "bold",
    "run_id": 1,
    "session_id": "mri",
    "subject_id": "05",
    "task_id": "AVSceneslong"
  },
  "dummy_trs": 2,
  "dvars_nstd": 18.955448281369854,
  "dvars_std": 1.1748844875799085,
  "dvars_vstd": 1.0107877693607306,
  "efc": 0.54775658533085,
  "fber": 49804.23046875,
  "fd_mean": 0.1253474835533279,
  "fd_num": 26,
  "fd_perc": 11.818181818181818,
  "fwhm_avg": 2.175021752727933,
  "fwhm_x": 2.028404705882353,
  "fwhm_y": 2.30654431372549,
  "fwhm_z": 2.1901162385759565,
  "gcor": 0.0376936,
  "gsr_x": 0.005386024247854948,
  "gsr_y": 0.02004391886293888,
  "provenance": {
    "md5sum": "ef071e1e21819d290c47e4f00157949a",
    "settings": {
      "fd_thres": 0.2,
      "testing": false
    },
    "software": "mriqc",
    "version": "22.0.6",
    "webapi_port": null,
    "webapi_url": "https://mriqc.nimh.nih.gov/api/v1"
  },
  "size_t": 220,
  "size_x": 64,
  "size_y": 64,
  "size_z": 35,
  "snr": 6.614843590335839,
  "spacing_tr": 2.0,
  "spacing_x": 3.1875,
  "spacing_y": 3.1875,
  "spacing_z": 2.699833869934082,
  "summary_bg_k": 20.68537923922738,
  "summary_bg_mad": 33.48659191780593,
  "summary_bg_mean": 191.7132568359375,
  "summary_bg_median": 22.654544830322266,
  "summary_bg_n": 77402.0,
  "summary_bg_p05": 0.004545454401522875,
  "summary_bg_p95": 939.6604522705077,
  "summary_bg_stdv": 451.427490234375,
  "summary_fg_k": 2.055695369598868,
  "summary_fg_mad": 660.6266994723985,
  "summary_fg_mean": 4937.76708984375,
  "summary_fg_median": 4917.4951171875,
  "summary_fg_n": 34581.0,
  "summary_fg_p05": 3774.2998046875,
  "summary_fg_p95": 6131.11328125,
  "summary_fg_stdv": 743.392333984375,
  "tsnr": 71.52631273423322
}