{
  "aor": 0.009532,
  "aqi": 0.011308424727272729,
  "bids_meta": {
    "AcquisitionMatrixPE": 64,
    "AcquisitionNumber": 1,
    "AcquisitionTime": "12:31:11.000000",
    "CoilString": "8HRBRAIN",
    "ConversionSoftware": "dcm2niix",
    "ConversionSoftwareVersion": "v1.0.20190902",
    "DeviceSerialNumber": "0000000000IL1028",
    "EchoTime": 0.03,
    "EffectiveEchoSpacing": 0.00066,
    "FlipAngle": 77,
    "ImageOrientationPatientDICOM": [
      0.995045,
      0.00479132,
      0.0993062,
      0.0220038,
      0.963469,
      -0.266915
    ],
    "ImageType": [
      "ORIGINAL",
      "PRIMARY",
      "EPI",
      "NONE"
    ],
    "ImagingFrequency": 127.72,
    "InPlanePhaseEncodingDirectionDICOM": "COL",
    "InstitutionName": "TEL_AVIV_MEDICAL_CENTER",
    "MRAcquisitionType": "2D",
    "MagneticFieldStrength": 3,
    "Manufacturer": "GE",
    "ManufacturersModelName": "Signa_HDxt",
    "Modality": "MR",
    "PatientPosition": "HFS",
    "PercentPhaseFOV": 100,
    "PhaseEncodingDirection": "j",
    "PhaseEncodingPolarityGE": "Flipped",
    "PixelBandwidth": 7812.5,
    "ProtocolName": "AV_scenes_long",
    "ReconMatrixPE": 64,
    "RepetitionTime": 2,
    "SAR": 0.275982,
    "ScanOptions": "EPI_GEMS_ACC_GEMS",
    "ScanningSequence": "EP_GR",
    "SequenceVariant": "SS",
    "SeriesDescription": "AV_scenes_long",
    "SeriesNumber": 14,
    "SliceThickness": 2.5,
    "SliceTiming": [
      0.971429,
      1.94286,
      0.914286,
      1.88571,
      0.857143,
      1.82857,
      0.8,
      1.77143,
      0.742857,
      1.71429,
      0.685714,
      1.65714,
      0.628571,
      1.6,
      0.571429,
      1.54286,
      0.514286,
      1.48571,
      0.457143,
      1.42857,
      0.4,
      1.37143,
      0.342857,
      1.31429,
      0.285714,
      1.25714,
      0.228571,
      1.2,
      0.171429,
      1.14286,
      0.114286,
      1.08571,
      0.0571429,
      1.02857,
      0
    ],
    "SoftwareVersions": "24_LX_MR_Software_release:HD16.0_V02_1131.a",
    "SpacingBetweenSlices": 2.7,
    "StationName": "mr3-HDx",
    "TaskName": "AVSceneslong",
    "TotalReadoutTime": 0.04158,
    "dataset": "ds002715",
    "modality": "bold",
    "run_id": 4,
    "session_id": "mri",
    "subject_id": "05",
    "task_id": "AVSceneslong"
  },
  "dummy_trs": 2,
  "dvars_nstd": 23.055983238310496,
  "dvars_std": 1.148119205799087,
  "dvars_vstd": 1.0143600712785388,
  "efc": 0.5516663595729332,
  "fber": 51049.07421875,
  "fd_mean": 0.1993908852655232,
  "fd_num": 58,
  "fd_perc": 26.363636363636363,
  "fwhm_avg": 2.1338283787391625,
  "fwhm_x": 2.000156862745098,
  "fwhm_y": 2.2641819607843137,
  "fwhm_z": 2.1371463126880754,
  "gcor": 0.0386259,
  "gsr_x": 0.005438433960080147,
  "gsr_y": 0.021691272035241127,
  "provenance": {
    "md5sum": "33f8d08cec3a6de9d3035744354bd765",
    "settings": {
      "fd_thres": 0.2,
      "testing": false
    },
    "software": "mriqc",
    "version": "22.0.6",
    "webapi_port": null,
    "webapi_url": "https://mriqc.nimh.nih.gov/api/v1"
  },
  "size_t": 220,
  "size_x": 64,
  "size_y": 64,
  "size_z": 35,
  "snr": 6.647340670788789,
  "spacing_tr": 2.0,
  "spacing_x": 3.1875,
  "spacing_y": 3.1875,
  "spacing_z": 2.699833869934082,
  "summary_bg_k": 18.293142051555485,
  "summary_bg_mad": 32.509421443816024,
  "summary_bg_mean": 195.04490661621094,
  "summary_bg_median": 21.98636245727539,
  "summary_bg_n": 76983.0,
  "summary_bg_p05": 0.00909090880304575,
  "summary_bg_p95": 983.9436218261707,
  "summary_bg_stdv": 448.3986511230469,
  "summary_fg_k": 1.899137929084917,
  "summary_fg_mad": 644.2312038450963,
  "summary_fg_mean": 4863.50634765625,
  "summary_fg_median": 4840.626953125,
  "summary_fg_n": 35027.0,
  "summary_fg_p05": 3726.27314453125,
  "summary_fg_p95": 6044.609033203124,
  "summary_fg_stdv": 728.1946411132812,
  "tsnr": 55.87124455953017
}