{
  "aor": 0.006041090909090909,
  "aqi": 0.005694119636363637,
  "bids_meta": {
    "AcquisitionMatrixPE": 64,
    "AcquisitionNumber": 1,
    "AcquisitionTime": "12:23:2.000000",
    "CoilString": "8HRBRAIN",
    "ConversionSoftware": "dcm2niix",
    "ConversionSoftwareVersion": "v1.0.20190902",
    "DeviceSerialNumber": "0000000000IL1028",
    "EchoTime": 0.03,
    "EffectiveEchoSpacing": 0.00066,
    "FlipAngle": 77,
    "ImageOrientationPatientDICOM": [
      0.995045,
      0.00479132,
      0.0993062,
      0.0220038,
      0.963469,
      -0.266915
    ],
    "ImageType": [
      "ORIGINAL",
      "PRIMARY",
      "EPI",
      "NONE"
    ],
    "ImagingFrequency": 127.72,
    "InPlanePhaseEncodingDirectionDICOM": "COL",
    "InstitutionName": "TEL_AVIV_MEDICAL_CENTER",
    "MRAcquisitionType": "2D",
    "MagneticFieldStrength": 3,
    "Manufacturer": "GE",
    "ManufacturersModelName": "Signa_HDxt",
    "Modality": "MR",
    "PatientPosition": "HFS",
    "PercentPhaseFOV": 100,
    "PhaseEncodingDirection": "j",
    "PhaseEncodingPolarityGE": "Flipped",
    "PixelBandwidth": 7812.5,
    "ProtocolName": "AV_scenes_long",
    "ReconMatrixPE": 64,
    "RepetitionTime": 2,
    "SAR": 0.275982,
    "ScanOptions": "EPI_GEMS_ACC_GEMS",
    "ScanningSequence": "EP_GR",
    "SequenceVariant": "SS",
    "SeriesDescription": "AV_scenes_long",
    "SeriesNumber": 13,
    "SliceThickness": 2.5,
    "SliceTiming": [
      0.971429,
      1.94286,
      0.914286,
      1.88571,
      0.857143,
      1.82857,
      0.8,
      1.77143,
      0.742857,
      1.71429,
      0.685714,
      1.65714,
      0.628571,
      1.6,
      0.571429,
      1.54286,
      0.514286,
      1.48571,
      0.457143,
      1.42857,
      0.4,
      1.37143,
      0.342857,
      1.31429,
      0.285714,
      1.25714,
      0.228571,
      1.2,
      0.171429,
      1.14286,
      0.114286,
      1.08571,
      0.0571429,
      1.02857,
      0
    ],
    "SoftwareVersions": "24_LX_MR_Software_release:HD16.0_V02_1131.a",
    "SpacingBetweenSlices": 2.7,
    "StationName": "mr3-HDx",
    "TaskName": "AVSceneslong",
    "TotalReadoutTime": 0.04158,
    "dataset": "ds002715",
    "modality": "bold",
    "run_id": 3,
    "session_id": "mri",
    "subject_id": "05",
    "task_id": "AVSceneslong"
  },
  "dummy_trs": 2,
  "dvars_nstd": 18.649968731050233,
  "dvars_std": 1.1607534378538815,
  "dvars_vstd": 1.004221373196347,
  "efc": 0.5505771643428522,
  "fber": 49767.24609375,
  "fd_mean": 0.10353392381912867,
  "fd_num": 22,
  "fd_perc": 10.0,
  "fwhm_avg": 2.136856355067551,
  "fwhm_x": 2.002233725490196,
  "fwhm_y": 2.258321568627451,
  "fwhm_z": 2.1500137710850056,
  "gcor": 0.0385293,
  "gsr_x": 0.0045453887432813644,
  "gsr_y": 0.02180464006960392,
  "provenance": {
    "md5sum": "1359098596e296a1fc7b708cc00dd025",
    "settings": {
      "fd_thres": 0.2,
      "testing": false
    },
    "software": "mriqc",
    "version": "22.0.6",
    "webapi_port": null,
    "webapi_url": "https://mriqc.nimh.nih.gov/api/v1"
  },
  "size_t": 220,
  "size_x": 64,
  "size_y": 64,
  "size_z": 35,
  "snr": 6.608247804919226,
  "spacing_tr": 2.0,
  "spacing_x": 3.1875,
  "spacing_y": 3.1875,
  "spacing_z": 2.699833869934082,
  "summary_bg_k": 19.050845997339206,
  "summary_bg_mad": 33.8505020274623,
  "summary_bg_mean": 194.26077270507812,
  "summary_bg_median": 22.849998474121094,
  "summary_bg_n": 77075.0,
  "summary_bg_p05": 0.0,
  "summary_bg_p95": 970.9126770019536,
  "summary_bg_stdv": 448.9684753417969,
  "summary_fg_k": 1.990552491693487,
  "summary_fg_mad": 643.7725961764327,
  "summary_fg_mean": 4866.02001953125,
  "summary_fg_median": 4838.666015625,
  "summary_fg_n": 34870.0,
  "summary_fg_p05": 3727.9849609375,
  "summary_fg_p95": 6067.861987304686,
  "summary_fg_stdv": 732.2056884765625,
  "tsnr": 75.64895976218395
}