{
  "aor": 0.0019423744292237442,
  "aqi": 0.01361397616438356,
  "bids_meta": {
    "AcquisitionMatrixPE": 64,
    "AcquisitionNumber": 1,
    "AcquisitionTime": "12:35:20.000000",
    "CoilString": "8HRBRAIN",
    "ConversionSoftware": "dcm2niix",
    "ConversionSoftwareVersion": "v1.0.20190902",
    "DeviceSerialNumber": "0000000000IL1028",
    "EchoTime": 0.03,
    "EffectiveEchoSpacing": 0.00066,
    "FlipAngle": 77,
    "ImageOrientationPatientDICOM": [
      0.992265,
      0.0267644,
      0.121218,
      -0.00567643,
      0.985256,
      -0.170995
    ],
    "ImageType": [
      "ORIGINAL",
      "PRIMARY",
      "EPI",
      "NONE"
    ],
    "ImagingFrequency": 127.72,
    "InPlanePhaseEncodingDirectionDICOM": "COL",
    "InstitutionName": "TEL_AVIV_MEDICAL_CENTER",
    "MRAcquisitionType": "2D",
    "MagneticFieldStrength": 3,
    "Manufacturer": "GE",
    "ManufacturersModelName": "Signa_HDxt",
    "Modality": "MR",
    "PatientPosition": "HFS",
    "PercentPhaseFOV": 100,
    "PhaseEncodingDirection": "j",
    "PhaseEncodingPolarityGE": "Flipped",
    "PixelBandwidth": 7812.5,
    "ProtocolName": "AV_scenes_long",
    "ReconMatrixPE": 64,
    "RepetitionTime": 2,
    "SAR": 0.265785,
    "ScanOptions": "EPI_GEMS_ACC_GEMS",
    "ScanningSequence": "EP_GR",
    "SequenceVariant": "SS",
    "SeriesDescription": "AV_scenes_long",
    "SeriesNumber": 9,
    "SliceThickness": 2.5,
    "SliceTiming": [
      0.971429,
      1.94286,
      0.914286,
      1.88571,
      0.857143,
      1.82857,
      0.8,
      1.77143,
      0.742857,
      1.71429,
      0.685714,
      1.65714,
      0.628571,
      1.6,
      0.571429,
      1.54286,
      0.514286,
      1.48571,
      0.457143,
      1.42857,
      0.4,
      1.37143,
      0.342857,
      1.31429,
      0.285714,
      1.25714,
      0.228571,
      1.2,
      0.171429,
      1.14286,
      0.114286,
      1.08571,
      0.0571429,
      1.02857,
      0
    ],
    "SoftwareVersions": "24_LX_MR_Software_release:HD16.0_V02_1131.a",
    "SpacingBetweenSlices": 2.7,
    "StationName": "mr3-HDx",
    "TaskName": "AVSceneslong",
    "TotalReadoutTime": 0.04158,
    "dataset": "ds002715",
    "modality": "bold",
    "run_id": 1,
    "session_id": "mri",
    "subject_id": "08",
    "task_id": "AVSceneslong"
  },
  "dummy_trs": 3,
  "dvars_nstd": 16.802746238990835,
  "dvars_std": 1.0400098384403669,
  "dvars_vstd": 0.9624319252293576,
  "efc": 0.44371158570049296,
  "fber": 26522.080078125,
  "fd_mean": 0.2364110834423139,
  "fd_num": 114,
  "fd_perc": 52.054794520547944,
  "fwhm_avg": 2.135142456722883,
  "fwhm_x": 1.9841349019607843,
  "fwhm_y": 2.312718431372549,
  "fwhm_z": 2.1085740368353165,
  "gcor": 0.0197727,
  "gsr_x": -0.012176462449133396,
  "gsr_y": 0.01433891337364912,
  "provenance": {
    "md5sum": "fe1fc3a91ad92c80b22c72fbda0bedde",
    "settings": {
      "fd_thres": 0.2,
      "testing": false
    },
    "software": "mriqc",
    "version": "22.0.6",
    "webapi_port": null,
    "webapi_url": "https://mriqc.nimh.nih.gov/api/v1"
  },
  "size_t": 219,
  "size_x": 64,
  "size_y": 64,
  "size_z": 35,
  "snr": 8.151777262781987,
  "spacing_tr": 2.0,
  "spacing_x": 3.1875,
  "spacing_y": 3.1875,
  "spacing_z": 2.700000047683716,
  "summary_bg_k": 33.129846042513456,
  "summary_bg_mad": 45.81173054199947,
  "summary_bg_mean": 114.30921936035156,
  "summary_bg_median": 31.187213897705078,
  "summary_bg_n": 93119.0,
  "summary_bg_p05": 0.01826483942568302,
  "summary_bg_p95": 458.45295715331986,
  "summary_bg_stdv": 247.64175415039062,
  "summary_fg_k": 3.849779544475184,
  "summary_fg_mad": 460.1011297851933,
  "summary_fg_mean": 4681.09716796875,
  "summary_fg_median": 4711.2919921875,
  "summary_fg_n": 21801.0,
  "summary_fg_p05": 3663.337646484375,
  "summary_fg_p95": 5517.744140625,
  "summary_fg_stdv": 577.933349609375,
  "tsnr": 65.15626707812771
}