{
  "aor": 0.0016188636363636362,
  "aqi": 0.015606120409090908,
  "bids_meta": {
    "AcquisitionMatrixPE": 64,
    "AcquisitionNumber": 1,
    "AcquisitionTime": "13:07:4.000000",
    "CoilString": "8HRBRAIN",
    "ConversionSoftware": "dcm2niix",
    "ConversionSoftwareVersion": "v1.0.20190902",
    "DeviceSerialNumber": "0000000000IL1028",
    "EchoTime": 0.03,
    "EffectiveEchoSpacing": 0.00066,
    "FlipAngle": 77,
    "ImageOrientationPatientDICOM": [
      0.992265,
      0.0267644,
      0.121218,
      -0.00567643,
      0.985256,
      -0.170995
    ],
    "ImageType": [
      "ORIGINAL",
      "PRIMARY",
      "EPI",
      "NONE"
    ],
    "ImagingFrequency": 127.72,
    "InPlanePhaseEncodingDirectionDICOM": "COL",
    "InstitutionName": "TEL_AVIV_MEDICAL_CENTER",
    "MRAcquisitionType": "2D",
    "MagneticFieldStrength": 3,
    "Manufacturer": "GE",
    "ManufacturersModelName": "Signa_HDxt",
    "Modality": "MR",
    "PatientPosition": "HFS",
    "PercentPhaseFOV": 100,
    "PhaseEncodingDirection": "j",
    "PhaseEncodingPolarityGE": "Flipped",
    "PixelBandwidth": 7812.5,
    "ProtocolName": "AV_scenes_long",
    "ReconMatrixPE": 64,
    "RepetitionTime": 2,
    "SAR": 0.265785,
    "ScanOptions": "EPI_GEMS_ACC_GEMS",
    "ScanningSequence": "EP_GR",
    "SequenceVariant": "SS",
    "SeriesDescription": "AV_scenes_long",
    "SeriesNumber": 13,
    "SliceThickness": 2.5,
    "SliceTiming": [
      0.971429,
      1.94286,
      0.914286,
      1.88571,
      0.857143,
      1.82857,
      0.8,
      1.77143,
      0.742857,
      1.71429,
      0.685714,
      1.65714,
      0.628571,
      1.6,
      0.571429,
      1.54286,
      0.514286,
      1.48571,
      0.457143,
      1.42857,
      0.4,
      1.37143,
      0.342857,
      1.31429,
      0.285714,
      1.25714,
      0.228571,
      1.2,
      0.171429,
      1.14286,
      0.114286,
      1.08571,
      0.0571429,
      1.02857,
      0
    ],
    "SoftwareVersions": "24_LX_MR_Software_release:HD16.0_V02_1131.a",
    "SpacingBetweenSlices": 2.7,
    "StationName": "mr3-HDx",
    "TaskName": "AVSceneslong",
    "TotalReadoutTime": 0.04158,
    "dataset": "ds002715",
    "modality": "bold",
    "run_id": 4,
    "session_id": "mri",
    "subject_id": "08",
    "task_id": "AVSceneslong"
  },
  "dummy_trs": 2,
  "dvars_nstd": 17.651954681598166,
  "dvars_std": 1.0138524774885842,
  "dvars_vstd": 0.9453956867579913,
  "efc": 0.4327950591654583,
  "fber": 26153.634765625,
  "fd_mean": 0.3207598038435947,
  "fd_num": 148,
  "fd_perc": 67.27272727272727,
  "fwhm_avg": 2.170722936077782,
  "fwhm_x": 2.010613333333333,
  "fwhm_y": 2.4018258823529415,
  "fwhm_z": 2.0997295925470705,
  "gcor": 0.0222366,
  "gsr_x": -0.008436031639575958,
  "gsr_y": 0.016233565285801888,
  "provenance": {
    "md5sum": "93ccf8648b4cdcc7f7391ebb7765416f",
    "settings": {
      "fd_thres": 0.2,
      "testing": false
    },
    "software": "mriqc",
    "version": "22.0.6",
    "webapi_port": null,
    "webapi_url": "https://mriqc.nimh.nih.gov/api/v1"
  },
  "size_t": 220,
  "size_x": 64,
  "size_y": 64,
  "size_z": 35,
  "snr": 8.084679009996808,
  "spacing_tr": 2.0,
  "spacing_x": 3.1875,
  "spacing_y": 3.1875,
  "spacing_z": 2.700000047683716,
  "summary_bg_k": 35.375258667387385,
  "summary_bg_mad": 44.80154274087053,
  "summary_bg_mean": 102.96541595458984,
  "summary_bg_median": 30.722726821899414,
  "summary_bg_n": 94147.0,
  "summary_bg_p05": 0.04999999701976776,
  "summary_bg_p95": 423.82954406738276,
  "summary_bg_stdv": 223.5602569580078,
  "summary_fg_k": 3.9905895953595616,
  "summary_fg_mad": 458.5218833302763,
  "summary_fg_mean": 4643.87744140625,
  "summary_fg_median": 4675.234375,
  "summary_fg_n": 20998.0,
  "summary_fg_p05": 3628.360461425781,
  "summary_fg_p95": 5479.578100585937,
  "summary_fg_stdv": 578.2694702148438,
  "tsnr": 58.47641360759735
}