{
  "bids_meta": {
    "AcquisitionMatrixPE": 256,
    "AcquisitionNumber": 1,
    "AcquisitionTime": "12:52:56.000000",
    "CoilString": "8HRBRAIN",
    "ConversionSoftware": "dcm2niix",
    "ConversionSoftwareVersion": "v1.0.20190902",
    "DeviceSerialNumber": "0000000000IL1028",
    "EchoTime": 0.0035,
    "FlipAngle": 13,
    "ImageOrientationPatientDICOM": [
      0.992265,
      0.0267644,
      0.121218,
      -0.00567643,
      0.985256,
      -0.170995
    ],
    "ImageType": [
      "ORIGINAL",
      "PRIMARY",
      "OTHER"
    ],
    "ImagingFrequency": 127.72,
    "InPlanePhaseEncodingDirectionDICOM": "ROW",
    "InstitutionName": "TEL_AVIV_MEDICAL_CENTER",
    "InversionTime": 0.45,
    "MRAcquisitionType": "3D",
    "MagneticFieldStrength": 3,
    "Manufacturer": "GE",
    "ManufacturersModelName": "Signa_HDxt",
    "Modality": "MR",
    "PatientPosition": "HFS",
    "PercentPhaseFOV": 100,
    "PixelBandwidth": 97.6562,
    "ProtocolName": "Ax_FSPGR_BRAVO",
    "ReconMatrixPE": 512,
    "RepetitionTime": 0.00904,
    "SAR": 0.217189,
    "ScanOptions": "FAST_GEMS_EDR_GEMS_FILTERED_GEMS_ACC_GEMS",
    "ScanningSequence": "GR",
    "SequenceVariant": "SS_SK",
    "SeriesDescription": "Ax_FSPGR_BRAVO",
    "SeriesNumber": 11,
    "SliceThickness": 1,
    "SoftwareVersions": "24_LX_MR_Software_release:HD16.0_V02_1131.a",
    "SpacingBetweenSlices": 1,
    "StationName": "mr3-HDx",
    "dataset": "ds002715",
    "modality": "T1w",
    "run_id": 1,
    "session_id": "mri",
    "subject_id": "08"
  },
  "cjv": 0.36873940526981913,
  "cnr": 3.4218039486725496,
  "efc": 0.549761401643145,
  "fber": -1.0,
  "fwhm_avg": 4.9795045489498415,
  "fwhm_x": 5.885100350779316,
  "fwhm_y": 5.989000356972238,
  "fwhm_z": 3.064412939097968,
  "icvs_csf": 0.2076069465091893,
  "icvs_gm": 0.4144965024644027,
  "icvs_wm": 0.37789655102640796,
  "inu_med": 0.8115254640579224,
  "inu_range": 0.3621221423149109,
  "provenance": {
    "md5sum": "e63f9c387a9d9b8143b550ea572388d8",
    "settings": {
      "testing": false
    },
    "software": "mriqc",
    "version": "22.0.6",
    "warnings": {
      "large_rot_frame": true,
      "small_air_mask": false
    },
    "webapi_port": null,
    "webapi_url": "https://mriqc.nimh.nih.gov/api/v1"
  },
  "qi_1": 0.0,
  "qi_2": 0.0003305367068056307,
  "rpve_csf": 30.006359781452392,
  "rpve_gm": 15.008940175457052,
  "rpve_wm": 18.68293663367758,
  "size_x": 512,
  "size_y": 512,
  "size_z": 140,
  "snr_csf": 1.6405497482281726,
  "snr_gm": 11.686642024289938,
  "snr_total": 9.813813015729611,
  "snr_wm": 16.114247274670724,
  "snrd_csf": 11.062202641659018,
  "snrd_gm": 42.44496028635461,
  "snrd_total": 38.6364956286015,
  "snrd_wm": 62.40232395779088,
  "spacing_x": 0.4999999701976776,
  "spacing_y": 0.4999999701976776,
  "spacing_z": 0.9992321729660034,
  "summary_bg_k": 16.408726248656656,
  "summary_bg_mad": 10.499099286548162,
  "summary_bg_mean": 23.838512701050252,
  "summary_bg_median": 7.08153485506773,
  "summary_bg_n": 5728505.0,
  "summary_bg_p05": 0.0,
  "summary_bg_p95": 101.46966381371021,
  "summary_bg_stdv": 38.69515359184653,
  "summary_csf_k": 0.3903406809746919,
  "summary_csf_mad": 111.89451020458179,
  "summary_csf_mean": 194.0349644341295,
  "summary_csf_median": 177.28088969364762,
  "summary_csf_n": 149937.0,
  "summary_csf_p05": 50.63782458007336,
  "summary_csf_p95": 395.11084198206663,
  "summary_csf_stdv": 108.06151943854903,
  "summary_gm_k": 0.06080195137812483,
  "summary_gm_mad": 58.32033918760658,
  "summary_gm_mean": 680.5408657386099,
  "summary_gm_median": 680.2153753936291,
  "summary_gm_n": 159936.0,
  "summary_gm_p05": 585.9242537617683,
  "summary_gm_p95": 775.7675922736526,
  "summary_gm_stdv": 58.20433683626724,
  "summary_wm_k": 0.5237633515057989,
  "summary_wm_mad": 59.614748688687854,
  "summary_wm_mean": 1002.3322840992709,
  "summary_wm_median": 1000.0485317930579,
  "summary_wm_n": 655849.0,
  "summary_wm_p05": 904.7388332299888,
  "summary_wm_p95": 1107.8721755109727,
  "summary_wm_stdv": 62.05985004072096,
  "tpm_overlap_csf": 0.13308700966415296,
  "tpm_overlap_gm": 0.43400795510288015,
  "tpm_overlap_wm": 0.46351899670947205,
  "wm2max": 0.4453908971004724
}