{
  "aor": 0.0012148401826484018,
  "aqi": 0.021218485388127855,
  "bids_meta": {
    "AcquisitionMatrixPE": 64,
    "AcquisitionNumber": 1,
    "AcquisitionTime": "12:43:34.000000",
    "CoilString": "8HRBRAIN",
    "ConversionSoftware": "dcm2niix",
    "ConversionSoftwareVersion": "v1.0.20190902",
    "DeviceSerialNumber": "0000000000IL1028",
    "EchoTime": 0.03,
    "EffectiveEchoSpacing": 0.00066,
    "FlipAngle": 77,
    "ImageOrientationPatientDICOM": [
      0.992265,
      0.0267644,
      0.121218,
      -0.00567643,
      0.985256,
      -0.170995
    ],
    "ImageType": [
      "ORIGINAL",
      "PRIMARY",
      "EPI",
      "NONE"
    ],
    "ImagingFrequency": 127.72,
    "InPlanePhaseEncodingDirectionDICOM": "COL",
    "InstitutionName": "TEL_AVIV_MEDICAL_CENTER",
    "MRAcquisitionType": "2D",
    "MagneticFieldStrength": 3,
    "Manufacturer": "GE",
    "ManufacturersModelName": "Signa_HDxt",
    "Modality": "MR",
    "PatientPosition": "HFS",
    "PercentPhaseFOV": 100,
    "PhaseEncodingDirection": "j",
    "PhaseEncodingPolarityGE": "Flipped",
    "PixelBandwidth": 7812.5,
    "ProtocolName": "AV_scenes_long",
    "ReconMatrixPE": 64,
    "RepetitionTime": 2,
    "SAR": 0.265785,
    "ScanOptions": "EPI_GEMS_ACC_GEMS",
    "ScanningSequence": "EP_GR",
    "SequenceVariant": "SS",
    "SeriesDescription": "AV_scenes_long",
    "SeriesNumber": 10,
    "SliceThickness": 2.5,
    "SliceTiming": [
      0.971429,
      1.94286,
      0.914286,
      1.88571,
      0.857143,
      1.82857,
      0.8,
      1.77143,
      0.742857,
      1.71429,
      0.685714,
      1.65714,
      0.628571,
      1.6,
      0.571429,
      1.54286,
      0.514286,
      1.48571,
      0.457143,
      1.42857,
      0.4,
      1.37143,
      0.342857,
      1.31429,
      0.285714,
      1.25714,
      0.228571,
      1.2,
      0.171429,
      1.14286,
      0.114286,
      1.08571,
      0.0571429,
      1.02857,
      0
    ],
    "SoftwareVersions": "24_LX_MR_Software_release:HD16.0_V02_1131.a",
    "SpacingBetweenSlices": 2.7,
    "StationName": "mr3-HDx",
    "TaskName": "AVSceneslong",
    "TotalReadoutTime": 0.04158,
    "dataset": "ds002715",
    "modality": "bold",
    "run_id": 2,
    "session_id": "mri",
    "subject_id": "08",
    "task_id": "AVSceneslong"
  },
  "dummy_trs": 3,
  "dvars_nstd": 20.05270344188073,
  "dvars_std": 0.9758426234862382,
  "dvars_vstd": 0.9145491325229353,
  "efc": 0.4406896880447976,
  "fber": 24516.375,
  "fd_mean": 0.3549547797375137,
  "fd_num": 151,
  "fd_perc": 68.94977168949772,
  "fwhm_avg": 2.174686422316739,
  "fwhm_x": 2.0758588235294115,
  "fwhm_y": 2.4164486274509804,
  "fwhm_z": 2.0317518159698236,
  "gcor": 0.0534059,
  "gsr_x": -0.01112673245370388,
  "gsr_y": 0.013858801685273647,
  "provenance": {
    "md5sum": "ddb7e6c47389dc6c7b45134e3d2b512a",
    "settings": {
      "fd_thres": 0.2,
      "testing": false
    },
    "software": "mriqc",
    "version": "22.0.6",
    "webapi_port": null,
    "webapi_url": "https://mriqc.nimh.nih.gov/api/v1"
  },
  "size_t": 219,
  "size_x": 64,
  "size_y": 64,
  "size_z": 35,
  "snr": 8.057162556659666,
  "spacing_tr": 2.0,
  "spacing_x": 3.1875,
  "spacing_y": 3.1875,
  "spacing_z": 2.700000047683716,
  "summary_bg_k": 33.44986516508735,
  "summary_bg_mad": 46.92198810920435,
  "summary_bg_mean": 111.72943115234375,
  "summary_bg_median": 31.97260093688965,
  "summary_bg_n": 93340.0,
  "summary_bg_p05": 0.04566209763288498,
  "summary_bg_p95": 446.43492584228574,
  "summary_bg_stdv": 243.8436737060547,
  "summary_fg_k": 3.912832446538758,
  "summary_fg_mad": 460.25641209762955,
  "summary_fg_mean": 4648.8369140625,
  "summary_fg_median": 4687.1318359375,
  "summary_fg_n": 21570.0,
  "summary_fg_p05": 3614.161181640625,
  "summary_fg_p95": 5481.058349609375,
  "summary_fg_stdv": 581.7213134765625,
  "tsnr": 49.35323055833578
}