{
  "aor": 0.00442840909090909,
  "aqi": 0.02240673090909091,
  "bids_meta": {
    "AcquisitionMatrixPE": 64,
    "AcquisitionNumber": 1,
    "AcquisitionTime": "12:57:16.000000",
    "CoilString": "8HRBRAIN",
    "ConversionSoftware": "dcm2niix",
    "ConversionSoftwareVersion": "v1.0.20190902",
    "DeviceSerialNumber": "0000000000IL1028",
    "EchoTime": 0.03,
    "EffectiveEchoSpacing": 0.00066,
    "FlipAngle": 77,
    "ImageOrientationPatientDICOM": [
      0.992265,
      0.0267644,
      0.121218,
      -0.00567643,
      0.985256,
      -0.170995
    ],
    "ImageType": [
      "ORIGINAL",
      "PRIMARY",
      "EPI",
      "NONE"
    ],
    "ImagingFrequency": 127.72,
    "InPlanePhaseEncodingDirectionDICOM": "COL",
    "InstitutionName": "TEL_AVIV_MEDICAL_CENTER",
    "MRAcquisitionType": "2D",
    "MagneticFieldStrength": 3,
    "Manufacturer": "GE",
    "ManufacturersModelName": "Signa_HDxt",
    "Modality": "MR",
    "PatientPosition": "HFS",
    "PercentPhaseFOV": 100,
    "PhaseEncodingDirection": "j",
    "PhaseEncodingPolarityGE": "Flipped",
    "PixelBandwidth": 7812.5,
    "ProtocolName": "AV_scenes_long",
    "ReconMatrixPE": 64,
    "RepetitionTime": 2,
    "SAR": 0.265785,
    "ScanOptions": "EPI_GEMS_ACC_GEMS",
    "ScanningSequence": "EP_GR",
    "SequenceVariant": "SS",
    "SeriesDescription": "AV_scenes_long",
    "SeriesNumber": 12,
    "SliceThickness": 2.5,
    "SliceTiming": [
      0.971429,
      1.94286,
      0.914286,
      1.88571,
      0.857143,
      1.82857,
      0.8,
      1.77143,
      0.742857,
      1.71429,
      0.685714,
      1.65714,
      0.628571,
      1.6,
      0.571429,
      1.54286,
      0.514286,
      1.48571,
      0.457143,
      1.42857,
      0.4,
      1.37143,
      0.342857,
      1.31429,
      0.285714,
      1.25714,
      0.228571,
      1.2,
      0.171429,
      1.14286,
      0.114286,
      1.08571,
      0.0571429,
      1.02857,
      0
    ],
    "SoftwareVersions": "24_LX_MR_Software_release:HD16.0_V02_1131.a",
    "SpacingBetweenSlices": 2.7,
    "StationName": "mr3-HDx",
    "TaskName": "AVSceneslong",
    "TotalReadoutTime": 0.04158,
    "dataset": "ds002715",
    "modality": "bold",
    "run_id": 3,
    "session_id": "mri",
    "subject_id": "08",
    "task_id": "AVSceneslong"
  },
  "dummy_trs": 2,
  "dvars_nstd": 20.127817432831048,
  "dvars_std": 0.9201016797260273,
  "dvars_vstd": 0.8842727449315063,
  "efc": 0.4379426688123698,
  "fber": 24576.6015625,
  "fd_mean": 0.3785405151756168,
  "fd_num": 144,
  "fd_perc": 65.45454545454545,
  "fwhm_avg": 2.18910774332462,
  "fwhm_x": 2.0205741176470586,
  "fwhm_y": 2.39507137254902,
  "fwhm_z": 2.1516777397777815,
  "gcor": 0.0888985,
  "gsr_x": -0.009847871027886868,
  "gsr_y": 0.015082272700965405,
  "provenance": {
    "md5sum": "18ebe9ba34305a7bf68fab2905bf727d",
    "settings": {
      "fd_thres": 0.2,
      "testing": false
    },
    "software": "mriqc",
    "version": "22.0.6",
    "webapi_port": null,
    "webapi_url": "https://mriqc.nimh.nih.gov/api/v1"
  },
  "size_t": 220,
  "size_x": 64,
  "size_y": 64,
  "size_z": 35,
  "snr": 8.065752053831925,
  "spacing_tr": 2.0,
  "spacing_x": 3.1875,
  "spacing_y": 3.1875,
  "spacing_z": 2.700000047683716,
  "summary_bg_k": 33.6380471356451,
  "summary_bg_mad": 46.24370831528384,
  "summary_bg_mean": 108.48033905029297,
  "summary_bg_median": 31.677270889282227,
  "summary_bg_n": 93676.0,
  "summary_bg_p05": 0.07727272808551788,
  "summary_bg_p95": 434.4647521972656,
  "summary_bg_stdv": 234.85183715820312,
  "summary_fg_k": 3.711768778488068,
  "summary_fg_mad": 457.9253675939244,
  "summary_fg_mean": 4637.1767578125,
  "summary_fg_median": 4662.12255859375,
  "summary_fg_n": 21288.0,
  "summary_fg_p05": 3623.27578125,
  "summary_fg_p95": 5477.814770507811,
  "summary_fg_stdv": 578.0010375976562,
  "tsnr": 44.56045720167458
}