{
  "aor": 0.002007716894977169,
  "aqi": 0.0062659984474885844,
  "bids_meta": {
    "AcquisitionMatrixPE": 64,
    "AcquisitionNumber": 1,
    "AcquisitionTime": "17:41:38.000000",
    "CoilString": "8HRBRAIN",
    "ConversionSoftware": "dcm2niix",
    "ConversionSoftwareVersion": "v1.0.20190902",
    "DeviceSerialNumber": "0000000000IL1028",
    "EchoTime": 0.03,
    "EffectiveEchoSpacing": 0.000676,
    "FlipAngle": 77,
    "ImageOrientationPatientDICOM": [
      0.996825,
      -0.0378734,
      0.0700399,
      0.051637,
      0.977105,
      -0.206395
    ],
    "ImageType": [
      "ORIGINAL",
      "PRIMARY",
      "EPI",
      "NONE"
    ],
    "ImagingFrequency": 127.72,
    "InPlanePhaseEncodingDirectionDICOM": "COL",
    "InstitutionName": "TEL_AVIV_MEDICAL_CENTER",
    "MRAcquisitionType": "2D",
    "MagneticFieldStrength": 3,
    "Manufacturer": "GE",
    "ManufacturersModelName": "Signa_HDxt",
    "Modality": "MR",
    "PatientPosition": "HFS",
    "PercentPhaseFOV": 100,
    "PhaseEncodingDirection": "j",
    "PhaseEncodingPolarityGE": "Flipped",
    "PixelBandwidth": 7812.5,
    "ProtocolName": "AV_scenes_long",
    "ReconMatrixPE": 64,
    "RepetitionTime": 2,
    "SAR": 0.255261,
    "ScanOptions": "EPI_GEMS_ACC_GEMS",
    "ScanningSequence": "EP_GR",
    "SequenceVariant": "SS",
    "SeriesDescription": "AV_scenes_long",
    "SeriesNumber": 14,
    "SliceThickness": 2.5,
    "SliceTiming": [
      0.971429,
      1.94286,
      0.914286,
      1.88571,
      0.857143,
      1.82857,
      0.8,
      1.77143,
      0.742857,
      1.71429,
      0.685714,
      1.65714,
      0.628571,
      1.6,
      0.571429,
      1.54286,
      0.514286,
      1.48571,
      0.457143,
      1.42857,
      0.4,
      1.37143,
      0.342857,
      1.31429,
      0.285714,
      1.25714,
      0.228571,
      1.2,
      0.171429,
      1.14286,
      0.114286,
      1.08571,
      0.0571429,
      1.02857,
      0
    ],
    "SoftwareVersions": "24_LX_MR_Software_release:HD16.0_V02_1131.a",
    "SpacingBetweenSlices": 2.7,
    "StationName": "mr3-HDx",
    "TaskName": "AVSceneslong",
    "TotalReadoutTime": 0.042588,
    "dataset": "ds002715",
    "modality": "bold",
    "run_id": 3,
    "session_id": "mri",
    "subject_id": "07",
    "task_id": "AVSceneslong"
  },
  "dummy_trs": 3,
  "dvars_nstd": 15.334614071467886,
  "dvars_std": 1.0970195598623858,
  "dvars_vstd": 0.9807246333027528,
  "efc": 0.46528121927198296,
  "fber": 75904.5078125,
  "fd_mean": 0.10607777069117809,
  "fd_num": 22,
  "fd_perc": 10.045662100456621,
  "fwhm_avg": 2.175038941498172,
  "fwhm_x": 2.059623529411765,
  "fwhm_y": 2.2996266666666667,
  "fwhm_z": 2.1658666284160857,
  "gcor": 0.0302851,
  "gsr_x": -0.007453506346791983,
  "gsr_y": 0.011512696743011475,
  "provenance": {
    "md5sum": "d981a6bc837e94601cca9485a403efc7",
    "settings": {
      "fd_thres": 0.2,
      "testing": false
    },
    "software": "mriqc",
    "version": "22.0.6",
    "webapi_port": null,
    "webapi_url": "https://mriqc.nimh.nih.gov/api/v1"
  },
  "size_t": 219,
  "size_x": 64,
  "size_y": 64,
  "size_z": 35,
  "snr": 7.528576517123091,
  "spacing_tr": 2.0,
  "spacing_x": 3.1875,
  "spacing_y": 3.1875,
  "spacing_z": 2.700000047683716,
  "summary_bg_k": 35.61501981145578,
  "summary_bg_mad": 28.514704110803823,
  "summary_bg_mean": 110.7812271118164,
  "summary_bg_median": 19.27853775024414,
  "summary_bg_n": 88841.0,
  "summary_bg_p05": 0.0,
  "summary_bg_p95": 475.1689453125,
  "summary_bg_stdv": 284.88507080078125,
  "summary_fg_k": 1.6864088354528937,
  "summary_fg_mad": 589.8592288327427,
  "summary_fg_mean": 4552.74755859375,
  "summary_fg_median": 4566.75341796875,
  "summary_fg_n": 24857.0,
  "summary_fg_p05": 3585.685791015625,
  "summary_fg_p95": 5490.648339843749,
  "summary_fg_stdv": 606.5770263671875,
  "tsnr": 77.34123552637175
}