{
  "aor": 0.004569181818181819,
  "aqi": 0.00537966759090909,
  "bids_meta": {
    "AcquisitionMatrixPE": 64,
    "AcquisitionNumber": 1,
    "AcquisitionTime": "17:33:24.000000",
    "CoilString": "8HRBRAIN",
    "ConversionSoftware": "dcm2niix",
    "ConversionSoftwareVersion": "v1.0.20190902",
    "DeviceSerialNumber": "0000000000IL1028",
    "EchoTime": 0.03,
    "EffectiveEchoSpacing": 0.000676,
    "FlipAngle": 77,
    "ImageOrientationPatientDICOM": [
      0.996825,
      -0.0378734,
      0.0700399,
      0.051637,
      0.977105,
      -0.206395
    ],
    "ImageType": [
      "ORIGINAL",
      "PRIMARY",
      "EPI",
      "NONE"
    ],
    "ImagingFrequency": 127.72,
    "InPlanePhaseEncodingDirectionDICOM": "COL",
    "InstitutionName": "TEL_AVIV_MEDICAL_CENTER",
    "MRAcquisitionType": "2D",
    "MagneticFieldStrength": 3,
    "Manufacturer": "GE",
    "ManufacturersModelName": "Signa_HDxt",
    "Modality": "MR",
    "PatientPosition": "HFS",
    "PercentPhaseFOV": 100,
    "PhaseEncodingDirection": "j",
    "PhaseEncodingPolarityGE": "Flipped",
    "PixelBandwidth": 7812.5,
    "ProtocolName": "AV_scenes_long",
    "ReconMatrixPE": 64,
    "RepetitionTime": 2,
    "SAR": 0.255261,
    "ScanOptions": "EPI_GEMS_ACC_GEMS",
    "ScanningSequence": "EP_GR",
    "SequenceVariant": "SS",
    "SeriesDescription": "AV_scenes_long",
    "SeriesNumber": 13,
    "SliceThickness": 2.5,
    "SliceTiming": [
      0.971429,
      1.94286,
      0.914286,
      1.88571,
      0.857143,
      1.82857,
      0.8,
      1.77143,
      0.742857,
      1.71429,
      0.685714,
      1.65714,
      0.628571,
      1.6,
      0.571429,
      1.54286,
      0.514286,
      1.48571,
      0.457143,
      1.42857,
      0.4,
      1.37143,
      0.342857,
      1.31429,
      0.285714,
      1.25714,
      0.228571,
      1.2,
      0.171429,
      1.14286,
      0.114286,
      1.08571,
      0.0571429,
      1.02857,
      0
    ],
    "SoftwareVersions": "24_LX_MR_Software_release:HD16.0_V02_1131.a",
    "SpacingBetweenSlices": 2.7,
    "StationName": "mr3-HDx",
    "TaskName": "AVSceneslong",
    "TotalReadoutTime": 0.042588,
    "dataset": "ds002715",
    "modality": "bold",
    "run_id": 2,
    "session_id": "mri",
    "subject_id": "07",
    "task_id": "AVSceneslong"
  },
  "dummy_trs": 2,
  "dvars_nstd": 16.59648719360731,
  "dvars_std": 1.1353535880365304,
  "dvars_vstd": 1.0132332133333335,
  "efc": 0.46497362045949897,
  "fber": 64920.921875,
  "fd_mean": 0.12701721944137664,
  "fd_num": 30,
  "fd_perc": 13.636363636363637,
  "fwhm_avg": 2.1893707060396146,
  "fwhm_x": 2.059930980392157,
  "fwhm_y": 2.3143811764705884,
  "fwhm_z": 2.1937999612560986,
  "gcor": 0.0402995,
  "gsr_x": -0.006834046915173531,
  "gsr_y": 0.011529054492712021,
  "provenance": {
    "md5sum": "b0e83c992cda8b25a58d3bff936a7e37",
    "settings": {
      "fd_thres": 0.2,
      "testing": false
    },
    "software": "mriqc",
    "version": "22.0.6",
    "webapi_port": null,
    "webapi_url": "https://mriqc.nimh.nih.gov/api/v1"
  },
  "size_t": 220,
  "size_x": 64,
  "size_y": 64,
  "size_z": 35,
  "snr": 7.476017256047238,
  "spacing_tr": 2.0,
  "spacing_x": 3.1875,
  "spacing_y": 3.1875,
  "spacing_z": 2.700000047683716,
  "summary_bg_k": 36.1165589924928,
  "summary_bg_mad": 29.672261167776057,
  "summary_bg_mean": 110.20916748046875,
  "summary_bg_median": 20.113636016845703,
  "summary_bg_n": 88834.0,
  "summary_bg_p05": 0.004545454401522875,
  "summary_bg_p95": 465.74589691162083,
  "summary_bg_stdv": 283.3921203613281,
  "summary_fg_k": 1.809964943476368,
  "summary_fg_mad": 593.0745500014402,
  "summary_fg_mean": 4551.07470703125,
  "summary_fg_median": 4563.55859375,
  "summary_fg_n": 24906.0,
  "summary_fg_p05": 3587.9761352539062,
  "summary_fg_p95": 5495.25,
  "summary_fg_stdv": 610.4141845703125,
  "tsnr": 77.23450549179688
}