{
  "aor": 0.01834081818181818,
  "aqi": 0.01386404009090909,
  "bids_meta": {
    "AcquisitionMatrixPE": 64,
    "AcquisitionNumber": 1,
    "AcquisitionTime": "17:49:52.000000",
    "CoilString": "8HRBRAIN",
    "ConversionSoftware": "dcm2niix",
    "ConversionSoftwareVersion": "v1.0.20190902",
    "DeviceSerialNumber": "0000000000IL1028",
    "EchoTime": 0.03,
    "EffectiveEchoSpacing": 0.000676,
    "FlipAngle": 77,
    "ImageOrientationPatientDICOM": [
      0.996825,
      -0.0378734,
      0.0700399,
      0.051637,
      0.977105,
      -0.206395
    ],
    "ImageType": [
      "ORIGINAL",
      "PRIMARY",
      "EPI",
      "NONE"
    ],
    "ImagingFrequency": 127.72,
    "InPlanePhaseEncodingDirectionDICOM": "COL",
    "InstitutionName": "TEL_AVIV_MEDICAL_CENTER",
    "MRAcquisitionType": "2D",
    "MagneticFieldStrength": 3,
    "Manufacturer": "GE",
    "ManufacturersModelName": "Signa_HDxt",
    "Modality": "MR",
    "PatientPosition": "HFS",
    "PercentPhaseFOV": 100,
    "PhaseEncodingDirection": "j",
    "PhaseEncodingPolarityGE": "Flipped",
    "PixelBandwidth": 7812.5,
    "ProtocolName": "AV_scenes_long",
    "ReconMatrixPE": 64,
    "RepetitionTime": 2,
    "SAR": 0.255261,
    "ScanOptions": "EPI_GEMS_ACC_GEMS",
    "ScanningSequence": "EP_GR",
    "SequenceVariant": "SS",
    "SeriesDescription": "AV_scenes_long",
    "SeriesNumber": 15,
    "SliceThickness": 2.5,
    "SliceTiming": [
      0.971429,
      1.94286,
      0.914286,
      1.88571,
      0.857143,
      1.82857,
      0.8,
      1.77143,
      0.742857,
      1.71429,
      0.685714,
      1.65714,
      0.628571,
      1.6,
      0.571429,
      1.54286,
      0.514286,
      1.48571,
      0.457143,
      1.42857,
      0.4,
      1.37143,
      0.342857,
      1.31429,
      0.285714,
      1.25714,
      0.228571,
      1.2,
      0.171429,
      1.14286,
      0.114286,
      1.08571,
      0.0571429,
      1.02857,
      0
    ],
    "SoftwareVersions": "24_LX_MR_Software_release:HD16.0_V02_1131.a",
    "SpacingBetweenSlices": 2.7,
    "StationName": "mr3-HDx",
    "TaskName": "AVSceneslong",
    "TotalReadoutTime": 0.042588,
    "dataset": "ds002715",
    "modality": "bold",
    "run_id": 4,
    "session_id": "mri",
    "subject_id": "07",
    "task_id": "AVSceneslong"
  },
  "dummy_trs": 2,
  "dvars_nstd": 18.579293969589052,
  "dvars_std": 1.0293734074885845,
  "dvars_vstd": 1.025133146210045,
  "efc": 0.46735631648685105,
  "fber": 58091.7265625,
  "fd_mean": 0.22170334112742907,
  "fd_num": 57,
  "fd_perc": 25.90909090909091,
  "fwhm_avg": 2.1957360656480156,
  "fwhm_x": 2.0821019607843136,
  "fwhm_y": 2.333606274509804,
  "fwhm_z": 2.1714999616499306,
  "gcor": 0.0711897,
  "gsr_x": -0.007430591620504856,
  "gsr_y": 0.012763583101332188,
  "provenance": {
    "md5sum": "eea1be33daa5433a2c5db930439e43c4",
    "settings": {
      "fd_thres": 0.2,
      "testing": false
    },
    "software": "mriqc",
    "version": "22.0.6",
    "webapi_port": null,
    "webapi_url": "https://mriqc.nimh.nih.gov/api/v1"
  },
  "size_t": 220,
  "size_x": 64,
  "size_y": 64,
  "size_z": 35,
  "snr": 7.618939998181913,
  "spacing_tr": 2.0,
  "spacing_x": 3.1875,
  "spacing_y": 3.1875,
  "spacing_z": 2.700000047683716,
  "summary_bg_k": 35.34076583764512,
  "summary_bg_mad": 31.20203802031552,
  "summary_bg_mean": 113.7419662475586,
  "summary_bg_median": 21.209091186523438,
  "summary_bg_n": 88647.0,
  "summary_bg_p05": 0.022727271541953087,
  "summary_bg_p95": 478.91179504394523,
  "summary_bg_stdv": 288.6351013183594,
  "summary_fg_k": 1.7951144965223182,
  "summary_fg_mad": 580.0608787216718,
  "summary_fg_mean": 4526.00537109375,
  "summary_fg_median": 4542.96826171875,
  "summary_fg_n": 25057.0,
  "summary_fg_p05": 3577.16162109375,
  "summary_fg_p95": 5441.74345703125,
  "summary_fg_stdv": 596.2611083984375,
  "tsnr": 47.84993541170843
}