{
  "aor": 0.004486164383561643,
  "aqi": 0.007882626575342467,
  "bids_meta": {
    "AcquisitionMatrixPE": 64,
    "AcquisitionNumber": 1,
    "AcquisitionTime": "17:25:14.000000",
    "CoilString": "8HRBRAIN",
    "ConversionSoftware": "dcm2niix",
    "ConversionSoftwareVersion": "v1.0.20190902",
    "DeviceSerialNumber": "0000000000IL1028",
    "EchoTime": 0.03,
    "EffectiveEchoSpacing": 0.000676,
    "FlipAngle": 77,
    "ImageOrientationPatientDICOM": [
      0.996825,
      -0.0378734,
      0.0700399,
      0.051637,
      0.977105,
      -0.206395
    ],
    "ImageType": [
      "ORIGINAL",
      "PRIMARY",
      "EPI",
      "NONE"
    ],
    "ImagingFrequency": 127.72,
    "InPlanePhaseEncodingDirectionDICOM": "COL",
    "InstitutionName": "TEL_AVIV_MEDICAL_CENTER",
    "MRAcquisitionType": "2D",
    "MagneticFieldStrength": 3,
    "Manufacturer": "GE",
    "ManufacturersModelName": "Signa_HDxt",
    "Modality": "MR",
    "PatientPosition": "HFS",
    "PercentPhaseFOV": 100,
    "PhaseEncodingDirection": "j",
    "PhaseEncodingPolarityGE": "Flipped",
    "PixelBandwidth": 7812.5,
    "ProtocolName": "AV_scenes_long",
    "ReconMatrixPE": 64,
    "RepetitionTime": 2,
    "SAR": 0.255261,
    "ScanOptions": "EPI_GEMS_ACC_GEMS",
    "ScanningSequence": "EP_GR",
    "SequenceVariant": "SS",
    "SeriesDescription": "AV_scenes_long",
    "SeriesNumber": 12,
    "SliceThickness": 2.5,
    "SliceTiming": [
      0.971429,
      1.94286,
      0.914286,
      1.88571,
      0.857143,
      1.82857,
      0.8,
      1.77143,
      0.742857,
      1.71429,
      0.685714,
      1.65714,
      0.628571,
      1.6,
      0.571429,
      1.54286,
      0.514286,
      1.48571,
      0.457143,
      1.42857,
      0.4,
      1.37143,
      0.342857,
      1.31429,
      0.285714,
      1.25714,
      0.228571,
      1.2,
      0.171429,
      1.14286,
      0.114286,
      1.08571,
      0.0571429,
      1.02857,
      0
    ],
    "SoftwareVersions": "24_LX_MR_Software_release:HD16.0_V02_1131.a",
    "SpacingBetweenSlices": 2.7,
    "StationName": "mr3-HDx",
    "TaskName": "AVSceneslong",
    "TotalReadoutTime": 0.042588,
    "dataset": "ds002715",
    "modality": "bold",
    "run_id": 1,
    "session_id": "mri",
    "subject_id": "07",
    "task_id": "AVSceneslong"
  },
  "dummy_trs": 3,
  "dvars_nstd": 17.780721349541274,
  "dvars_std": 1.079948718394496,
  "dvars_vstd": 0.9751102923394499,
  "efc": 0.4592722895039563,
  "fber": 56899.4375,
  "fd_mean": 0.18562562897082968,
  "fd_num": 50,
  "fd_perc": 22.831050228310502,
  "fwhm_avg": 2.166662064256567,
  "fwhm_x": 2.0389835294117646,
  "fwhm_y": 2.299861960784314,
  "fwhm_z": 2.1611407025736225,
  "gcor": 0.0427588,
  "gsr_x": -0.0074222800321877,
  "gsr_y": 0.011662119068205357,
  "provenance": {
    "md5sum": "b46ee15b196fa2c360e0179acf965bd5",
    "settings": {
      "fd_thres": 0.2,
      "testing": false
    },
    "software": "mriqc",
    "version": "22.0.6",
    "webapi_port": null,
    "webapi_url": "https://mriqc.nimh.nih.gov/api/v1"
  },
  "size_t": 219,
  "size_x": 64,
  "size_y": 64,
  "size_z": 35,
  "snr": 7.746893317935918,
  "spacing_tr": 2.0,
  "spacing_x": 3.1875,
  "spacing_y": 3.1875,
  "spacing_z": 2.700000047683716,
  "summary_bg_k": 37.54841453292662,
  "summary_bg_mad": 31.52052704627699,
  "summary_bg_mean": 108.89500427246094,
  "summary_bg_median": 21.41095733642578,
  "summary_bg_n": 89735.0,
  "summary_bg_p05": 0.013698630034923553,
  "summary_bg_p95": 445.85156555175826,
  "summary_bg_stdv": 274.91455078125,
  "summary_fg_k": 2.159881357787988,
  "summary_fg_mad": 558.5421526742698,
  "summary_fg_mean": 4596.18359375,
  "summary_fg_median": 4615.10498046875,
  "summary_fg_n": 24123.0,
  "summary_fg_p05": 3626.105322265625,
  "summary_fg_p95": 5504.144580078123,
  "summary_fg_stdv": 595.723876953125,
  "tsnr": 66.09310976229608
}