{
  "aor": 0.012711403508771932,
  "aqi": 0.007844275877192983,
  "bids_meta": {
    "AcquisitionMatrixPE": 64,
    "AcquisitionNumber": 1,
    "AcquisitionTime": "19:54:45.000000",
    "CoilString": "8HRBRAIN",
    "ConversionSoftware": "dcm2niix",
    "ConversionSoftwareVersion": "v1.0.20190902",
    "DeviceSerialNumber": "0000000000IL1028",
    "EchoTime": 0.03,
    "EffectiveEchoSpacing": 0.000664,
    "FlipAngle": 77,
    "ImageOrientationPatientDICOM": [
      0.999715,
      0.0238347,
      -0.00122073,
      -0.0237739,
      0.990508,
      -0.13538
    ],
    "ImageType": [
      "ORIGINAL",
      "PRIMARY",
      "EPI",
      "NONE"
    ],
    "ImagingFrequency": 127.72,
    "InPlanePhaseEncodingDirectionDICOM": "COL",
    "InstitutionName": "TEL_AVIV_MEDICAL_CENTER",
    "MRAcquisitionType": "2D",
    "MagneticFieldStrength": 3,
    "Manufacturer": "GE",
    "ManufacturersModelName": "Signa_HDxt",
    "Modality": "MR",
    "PatientPosition": "HFS",
    "PercentPhaseFOV": 100,
    "PhaseEncodingDirection": "j",
    "PhaseEncodingPolarityGE": "Flipped",
    "PixelBandwidth": 7812.5,
    "ProtocolName": "AV_scenes_short",
    "ReconMatrixPE": 64,
    "RepetitionTime": 2,
    "SAR": 0.274422,
    "ScanOptions": "EPI_GEMS_ACC_GEMS",
    "ScanningSequence": "EP_GR",
    "SequenceVariant": "SS",
    "SeriesDescription": "AV_scenes_short",
    "SeriesNumber": 10,
    "SliceThickness": 2.5,
    "SliceTiming": [
      0.971429,
      1.94286,
      0.914286,
      1.88571,
      0.857143,
      1.82857,
      0.8,
      1.77143,
      0.742857,
      1.71429,
      0.685714,
      1.65714,
      0.628571,
      1.6,
      0.571429,
      1.54286,
      0.514286,
      1.48571,
      0.457143,
      1.42857,
      0.4,
      1.37143,
      0.342857,
      1.31429,
      0.285714,
      1.25714,
      0.228571,
      1.2,
      0.171429,
      1.14286,
      0.114286,
      1.08571,
      0.0571429,
      1.02857,
      0
    ],
    "SoftwareVersions": "24_LX_MR_Software_release:HD16.0_V02_1131.a",
    "SpacingBetweenSlices": 2.7,
    "StationName": "mr3-HDx",
    "TaskName": "AVScenesshort",
    "TotalReadoutTime": 0.041832,
    "dataset": "ds002715",
    "modality": "bold",
    "run_id": 1,
    "session_id": "mri",
    "subject_id": "01",
    "task_id": "AVScenesshort"
  },
  "dummy_trs": 3,
  "dvars_nstd": 15.462452002389389,
  "dvars_std": 1.1681620943362832,
  "dvars_vstd": 1.0965075200884957,
  "efc": 0.4868966070806759,
  "fber": 30229.888671875,
  "fd_mean": 0.16601310252417043,
  "fd_num": 18,
  "fd_perc": 15.789473684210526,
  "fwhm_avg": 2.113925867276315,
  "fwhm_x": 2.021345882352941,
  "fwhm_y": 2.174817254901961,
  "fwhm_z": 2.145614464574042,
  "gcor": 0.0301149,
  "gsr_x": -0.008814304135739803,
  "gsr_y": 0.01479073241353035,
  "provenance": {
    "md5sum": "28e764cd6bd5ae36e8f20f1737659bcb",
    "settings": {
      "fd_thres": 0.2,
      "testing": false
    },
    "software": "mriqc",
    "version": "22.0.6",
    "webapi_port": null,
    "webapi_url": "https://mriqc.nimh.nih.gov/api/v1"
  },
  "size_t": 114,
  "size_x": 64,
  "size_y": 64,
  "size_z": 35,
  "snr": 7.901847748828315,
  "spacing_tr": 2.0,
  "spacing_x": 3.1875,
  "spacing_y": 3.1875,
  "spacing_z": 2.7001309394836426,
  "summary_bg_k": 31.097506328773576,
  "summary_bg_mad": 43.073494939376175,
  "summary_bg_mean": 120.3517837524414,
  "summary_bg_median": 29.192981719970703,
  "summary_bg_n": 86069.0,
  "summary_bg_p05": 0.008771929889917374,
  "summary_bg_p95": 540.2841918945302,
  "summary_bg_stdv": 274.331298828125,
  "summary_fg_k": 2.9277569893958537,
  "summary_fg_mad": 521.3163854477098,
  "summary_fg_mean": 4643.74365234375,
  "summary_fg_median": 4675.0791015625,
  "summary_fg_n": 27421.0,
  "summary_fg_p05": 3657.982421875,
  "summary_fg_p95": 5505.27197265625,
  "summary_fg_stdv": 591.6329956054688,
  "tsnr": 77.54020431311801
}