{
  "bids_meta": {
    "AcquisitionMatrixPE": 256,
    "AcquisitionNumber": 1,
    "AcquisitionTime": "15:45:49.000000",
    "CoilString": "8HRBRAIN",
    "ConversionSoftware": "dcm2niix",
    "ConversionSoftwareVersion": "v1.0.20190902",
    "DeviceSerialNumber": "0000000000IL1028",
    "EchoTime": 0.003492,
    "FlipAngle": 13,
    "ImageOrientationPatientDICOM": [
      0.997766,
      0.0245368,
      0.0621353,
      -0.0215461,
      0.998598,
      -0.0483414
    ],
    "ImageType": [
      "ORIGINAL",
      "PRIMARY",
      "OTHER"
    ],
    "ImagingFrequency": 127.72,
    "InPlanePhaseEncodingDirectionDICOM": "ROW",
    "InstitutionName": "TEL_AVIV_MEDICAL_CENTER",
    "InversionTime": 0.45,
    "MRAcquisitionType": "3D",
    "MagneticFieldStrength": 3,
    "Manufacturer": "GE",
    "ManufacturersModelName": "Signa_HDxt",
    "Modality": "MR",
    "PatientPosition": "HFS",
    "PercentPhaseFOV": 100,
    "PixelBandwidth": 97.6562,
    "ProtocolName": "Ax_FSPGR_BRAVO",
    "ReconMatrixPE": 512,
    "RepetitionTime": 0.008908,
    "SAR": 0.230456,
    "ScanOptions": "FAST_GEMS_EDR_GEMS_FILTERED_GEMS_ACC_GEMS",
    "ScanningSequence": "GR",
    "SequenceVariant": "SS_SK",
    "SeriesDescription": "Ax_FSPGR_BRAVO",
    "SeriesNumber": 14,
    "SliceThickness": 1,
    "SoftwareVersions": "24_LX_MR_Software_release:HD16.0_V02_1131.a",
    "SpacingBetweenSlices": 1,
    "StationName": "mr3-HDx",
    "dataset": "ds002715",
    "modality": "T1w",
    "run_id": 1,
    "session_id": "mri",
    "subject_id": "02"
  },
  "cjv": 0.3412530862709133,
  "cnr": 3.788013149196652,
  "efc": 0.6096086669216507,
  "fber": -1.0,
  "fwhm_avg": 4.874116974832525,
  "fwhm_x": 5.64852,
  "fwhm_y": 5.91912,
  "fwhm_z": 3.0547109244975728,
  "icvs_csf": 0.19654091383416641,
  "icvs_gm": 0.438942209323238,
  "icvs_wm": 0.3645168768425956,
  "inu_med": 0.7107366323471069,
  "inu_range": 0.263991042971611,
  "provenance": {
    "md5sum": "c0b2846ab511e3047326d37857d63bc4",
    "settings": {
      "testing": false
    },
    "software": "mriqc",
    "version": "22.0.6",
    "warnings": {
      "large_rot_frame": true,
      "small_air_mask": false
    },
    "webapi_port": null,
    "webapi_url": "https://mriqc.nimh.nih.gov/api/v1"
  },
  "qi_1": 2.2973636617480867e-05,
  "qi_2": 0.00021124826821324714,
  "rpve_csf": 22.394784710502446,
  "rpve_gm": 10.73929452864158,
  "rpve_wm": 14.724319095493401,
  "size_x": 512,
  "size_y": 512,
  "size_z": 160,
  "snr_csf": 1.8431944989384657,
  "snr_gm": 11.96951462266924,
  "snr_total": 10.70150220857991,
  "snr_wm": 18.291797504132028,
  "snrd_csf": 4.500279360168717,
  "snrd_gm": 15.138181988608771,
  "snrd_total": 13.956407597636632,
  "snrd_wm": 22.23076144413241,
  "spacing_x": 0.5,
  "spacing_y": 0.5,
  "spacing_z": 0.9999964237213135,
  "summary_bg_k": 19.365398779706815,
  "summary_bg_mad": 0.0,
  "summary_bg_mean": 16.011494202267453,
  "summary_bg_median": 0.0,
  "summary_bg_n": 6207419.0,
  "summary_bg_p05": 0.0,
  "summary_bg_p95": 74.78261008858681,
  "summary_bg_stdv": 29.46981433133876,
  "summary_csf_k": 7.831132579120773,
  "summary_csf_mad": 107.97212009795844,
  "summary_csf_mean": 214.462635667534,
  "summary_csf_median": 202.4347863793373,
  "summary_csf_n": 183244.0,
  "summary_csf_p05": 59.91304459422827,
  "summary_csf_p95": 411.9130511507392,
  "summary_csf_stdv": 109.82792870266593,
  "summary_gm_k": 0.13761315494732518,
  "summary_gm_mad": 56.532268254274356,
  "summary_gm_mean": 681.6137300587277,
  "summary_gm_median": 680.956534422934,
  "summary_gm_n": 291664.0,
  "summary_gm_p05": 589.7826196812093,
  "summary_gm_p95": 775.0000144354999,
  "summary_gm_stdv": 56.890808735680054,
  "summary_wm_k": 0.6853440156091288,
  "summary_wm_mad": 52.34230538480134,
  "summary_wm_mean": 1002.3572237801058,
  "summary_wm_median": 1000.0000186264515,
  "summary_wm_n": 1047226.0,
  "summary_wm_p05": 917.3478431738913,
  "summary_wm_p95": 1095.173933442682,
  "summary_wm_stdv": 54.66928774761338,
  "tpm_overlap_csf": 0.14105921150672718,
  "tpm_overlap_gm": 0.4371757232326656,
  "tpm_overlap_wm": 0.48254781825176174,
  "wm2max": 0.47608205170665063
}