{
  "bids_meta": {
    "AcquisitionMatrixPE": 256,
    "AcquisitionNumber": 1,
    "AcquisitionTime": "19:50:2.000000",
    "CoilString": "8HRBRAIN",
    "ConversionSoftware": "dcm2niix",
    "ConversionSoftwareVersion": "v1.0.20190902",
    "DeviceSerialNumber": "0000000000IL1028",
    "EchoTime": 0.003492,
    "FlipAngle": 13,
    "ImageOrientationPatientDICOM": [
      0.999463,
      0.0246593,
      0.0215768,
      -0.0218512,
      0.992303,
      -0.12189
    ],
    "ImageType": [
      "ORIGINAL",
      "PRIMARY",
      "OTHER"
    ],
    "ImagingFrequency": 127.72,
    "InPlanePhaseEncodingDirectionDICOM": "ROW",
    "InstitutionName": "TEL_AVIV_MEDICAL_CENTER",
    "InversionTime": 0.45,
    "MRAcquisitionType": "3D",
    "MagneticFieldStrength": 3,
    "Manufacturer": "GE",
    "ManufacturersModelName": "Signa_HDxt",
    "Modality": "MR",
    "PatientPosition": "HFS",
    "PercentPhaseFOV": 100,
    "PixelBandwidth": 97.6562,
    "ProtocolName": "Ax_FSPGR_BRAVO",
    "ReconMatrixPE": 512,
    "RepetitionTime": 0.008928,
    "SAR": 0.223066,
    "ScanOptions": "FAST_GEMS_EDR_GEMS_FILTERED_GEMS_ACC_GEMS",
    "ScanningSequence": "GR",
    "SequenceVariant": "SS_SK",
    "SeriesDescription": "Ax_FSPGR_BRAVO",
    "SeriesNumber": 9,
    "SliceThickness": 1,
    "SoftwareVersions": "24_LX_MR_Software_release:HD16.0_V02_1131.a",
    "SpacingBetweenSlices": 1,
    "StationName": "mr3-HDx",
    "dataset": "ds002715",
    "modality": "T1w",
    "run_id": 1,
    "session_id": "mri",
    "subject_id": "01"
  },
  "cjv": 0.34690977928041955,
  "cnr": 3.840472414932048,
  "efc": 0.5652588597320147,
  "fber": -1.0,
  "fwhm_avg": 4.779580740356611,
  "fwhm_x": 5.5878,
  "fwhm_y": 5.724560341210386,
  "fwhm_z": 3.0263818798594455,
  "icvs_csf": 0.22703526631067572,
  "icvs_gm": 0.4028837034526315,
  "icvs_wm": 0.37008103023669275,
  "inu_med": 0.6984892189502716,
  "inu_range": 0.24459455311298384,
  "provenance": {
    "md5sum": "01a5df876dd848997e5010bc865d4914",
    "settings": {
      "testing": false
    },
    "software": "mriqc",
    "version": "22.0.6",
    "warnings": {
      "large_rot_frame": true,
      "small_air_mask": false
    },
    "webapi_port": null,
    "webapi_url": "https://mriqc.nimh.nih.gov/api/v1"
  },
  "qi_1": 0.0011864388033859757,
  "qi_2": 0.00012214419165086936,
  "rpve_csf": 25.824911897137575,
  "rpve_gm": 14.479046477533158,
  "rpve_wm": 18.3872468904138,
  "size_x": 512,
  "size_y": 512,
  "size_z": 154,
  "snr_csf": 2.053794735948963,
  "snr_gm": 11.957590516379302,
  "snr_total": 10.724320958939197,
  "snr_wm": 18.16157762448933,
  "snrd_csf": 5.789658765756248,
  "snrd_gm": 18.586322284268245,
  "snrd_total": 17.211112390908657,
  "snrd_wm": 27.257356122701474,
  "spacing_x": 0.5,
  "spacing_y": 0.4999999701976776,
  "spacing_z": 1.0000555515289307,
  "summary_bg_k": 77.35165888713124,
  "summary_bg_mad": 0.0,
  "summary_bg_mean": 10.837958720652267,
  "summary_bg_median": 0.0,
  "summary_bg_n": 5575004.0,
  "summary_bg_p05": 0.0,
  "summary_bg_p95": 55.91754376888275,
  "summary_bg_stdv": 24.03616294042068,
  "summary_csf_k": 0.5839809886702727,
  "summary_csf_mad": 103.98062896507788,
  "summary_csf_mean": 219.74677328506544,
  "summary_csf_median": 212.41558469831944,
  "summary_csf_n": 189287.0,
  "summary_csf_p05": 65.71101188659668,
  "summary_csf_p95": 405.5601514875889,
  "summary_csf_stdv": 103.42563445390836,
  "summary_gm_k": 0.10700434159421812,
  "summary_gm_mad": 56.79122190097159,
  "summary_gm_mean": 682.2970038876575,
  "summary_gm_median": 681.9097074866295,
  "summary_gm_n": 177700.0,
  "summary_gm_p05": 589.7405357658863,
  "summary_gm_p95": 775.7374504208565,
  "summary_gm_stdv": 57.02719020519866,
  "summary_wm_k": 0.5239973612188664,
  "summary_wm_mad": 53.57110107153506,
  "summary_wm_mean": 1002.8993222520791,
  "summary_wm_median": 1000.0394621491432,
  "summary_wm_n": 801793.0,
  "summary_wm_p05": 917.9796768724918,
  "summary_wm_p95": 1097.4212862551212,
  "summary_wm_stdv": 55.06343442177194,
  "tpm_overlap_csf": 0.15920045226484195,
  "tpm_overlap_gm": 0.4385900407447318,
  "tpm_overlap_wm": 0.4940031804449813,
  "wm2max": 0.4932894403646493
}