{
  "aor": 0.021368318181818186,
  "aqi": 0.01890754640909091,
  "bids_meta": {
    "AcquisitionMatrixPE": 64,
    "AcquisitionNumber": 1,
    "AcquisitionTime": "15:13:25.000000",
    "CoilString": "8HRBRAIN",
    "ConversionSoftware": "dcm2niix",
    "ConversionSoftwareVersion": "v1.0.20190902",
    "DeviceSerialNumber": "0000000000IL1028",
    "EchoTime": 0.03,
    "EffectiveEchoSpacing": 0.000664,
    "FlipAngle": 77,
    "ImageOrientationPatientDICOM": [
      0.997766,
      0.0245367,
      0.0621353,
      -0.0215461,
      0.998598,
      -0.0483414
    ],
    "ImageType": [
      "ORIGINAL",
      "PRIMARY",
      "EPI",
      "NONE"
    ],
    "ImagingFrequency": 127.72,
    "InPlanePhaseEncodingDirectionDICOM": "COL",
    "InstitutionName": "TEL_AVIV_MEDICAL_CENTER",
    "MRAcquisitionType": "2D",
    "MagneticFieldStrength": 3,
    "Manufacturer": "GE",
    "ManufacturersModelName": "Signa_HDxt",
    "Modality": "MR",
    "PatientPosition": "HFS",
    "PercentPhaseFOV": 100,
    "PhaseEncodingDirection": "j",
    "PhaseEncodingPolarityGE": "Flipped",
    "PixelBandwidth": 7812.5,
    "ProtocolName": "AV_scenes_long",
    "ReconMatrixPE": 64,
    "RepetitionTime": 2,
    "SAR": 0.284016,
    "ScanOptions": "EPI_GEMS_ACC_GEMS",
    "ScanningSequence": "EP_GR",
    "SequenceVariant": "SS",
    "SeriesDescription": "AV_scenes_long",
    "SeriesNumber": 10,
    "SliceThickness": 2.5,
    "SliceTiming": [
      0.971429,
      1.94286,
      0.914286,
      1.88571,
      0.857143,
      1.82857,
      0.8,
      1.77143,
      0.742857,
      1.71429,
      0.685714,
      1.65714,
      0.628571,
      1.6,
      0.571429,
      1.54286,
      0.514286,
      1.48571,
      0.457143,
      1.42857,
      0.4,
      1.37143,
      0.342857,
      1.31429,
      0.285714,
      1.25714,
      0.228571,
      1.2,
      0.171429,
      1.14286,
      0.114286,
      1.08571,
      0.0571429,
      1.02857,
      0
    ],
    "SoftwareVersions": "24_LX_MR_Software_release:HD16.0_V02_1131.a",
    "SpacingBetweenSlices": 2.7,
    "StationName": "mr3-HDx",
    "TaskName": "AVSceneslong",
    "TotalReadoutTime": 0.041832,
    "dataset": "ds002715",
    "modality": "bold",
    "run_id": 1,
    "session_id": "mri",
    "subject_id": "02",
    "task_id": "AVSceneslong"
  },
  "dummy_trs": 2,
  "dvars_nstd": 23.61598457269408,
  "dvars_std": 0.9888053521004567,
  "dvars_vstd": 1.0044824119634703,
  "efc": 0.5708324701141425,
  "fber": 10572.046875,
  "fd_mean": 0.29505779495166573,
  "fd_num": 30,
  "fd_perc": 13.636363636363637,
  "fwhm_avg": 2.3218561080125557,
  "fwhm_x": 2.16096,
  "fwhm_y": 2.427830588235294,
  "fwhm_z": 2.3767777358023725,
  "gcor": 0.116649,
  "gsr_x": -0.0024728216230869293,
  "gsr_y": 0.02517038770020008,
  "provenance": {
    "md5sum": "e0e589ce1a097bb95239dba57e36abc2",
    "settings": {
      "fd_thres": 0.2,
      "testing": false
    },
    "software": "mriqc",
    "version": "22.0.6",
    "webapi_port": null,
    "webapi_url": "https://mriqc.nimh.nih.gov/api/v1"
  },
  "size_t": 220,
  "size_x": 64,
  "size_y": 64,
  "size_z": 35,
  "snr": 6.565669527013935,
  "spacing_tr": 2.0,
  "spacing_x": 3.1875,
  "spacing_y": 3.1875,
  "spacing_z": 2.700000047683716,
  "summary_bg_k": 19.43019505243203,
  "summary_bg_mad": 65.625364568872,
  "summary_bg_mean": 188.53399658203125,
  "summary_bg_median": 44.904544830322266,
  "summary_bg_n": 74565.0,
  "summary_bg_p05": 0.2772727310657501,
  "summary_bg_p95": 836.5244995117188,
  "summary_bg_stdv": 365.16265869140625,
  "summary_fg_k": 1.968201969660452,
  "summary_fg_mad": 564.5950861701097,
  "summary_fg_mean": 4364.62548828125,
  "summary_fg_median": 4373.23828125,
  "summary_fg_n": 37468.0,
  "summary_fg_p05": 3234.992541503906,
  "summary_fg_p95": 5412.432958984375,
  "summary_fg_stdv": 666.067626953125,
  "tsnr": 40.19156108493917
}