{
  "bids_meta": {
    "AcquisitionMatrixPE": 256,
    "AcquisitionNumber": 1,
    "AcquisitionTime": "13:01:33.000000",
    "CoilString": "8HRBRAIN",
    "ConversionSoftware": "dcm2niix",
    "ConversionSoftwareVersion": "v1.0.20190902",
    "DeviceSerialNumber": "0000000000IL1028",
    "EchoTime": 0.003496,
    "FlipAngle": 13,
    "ImageOrientationPatientDICOM": [
      0.995827,
      0.0832247,
      -0.0374465,
      -0.0808742,
      0.994874,
      0.0607014
    ],
    "ImageType": [
      "ORIGINAL",
      "PRIMARY",
      "OTHER"
    ],
    "ImagingFrequency": 127.72,
    "InPlanePhaseEncodingDirectionDICOM": "ROW",
    "InstitutionName": "TEL_AVIV_MEDICAL_CENTER",
    "InversionTime": 0.45,
    "MRAcquisitionType": "3D",
    "MagneticFieldStrength": 3,
    "Manufacturer": "GE",
    "ManufacturersModelName": "Signa_HDxt",
    "Modality": "MR",
    "PatientPosition": "HFS",
    "PercentPhaseFOV": 100,
    "PixelBandwidth": 97.6562,
    "ProtocolName": "Ax_FSPGR_BRAVO",
    "ReconMatrixPE": 512,
    "RepetitionTime": 0.008936,
    "SAR": 0.217218,
    "ScanOptions": "FAST_GEMS_EDR_GEMS_FILTERED_GEMS_ACC_GEMS",
    "ScanningSequence": "GR",
    "SequenceVariant": "SS_SK",
    "SeriesDescription": "Ax_FSPGR_BRAVO",
    "SeriesNumber": 4,
    "SliceThickness": 1,
    "SoftwareVersions": "24_LX_MR_Software_release:HD16.0_V02_1131.a",
    "SpacingBetweenSlices": 1,
    "StationName": "mr3-HDx",
    "dataset": "ds002715",
    "modality": "T1w",
    "run_id": 1,
    "session_id": "mri",
    "subject_id": "03"
  },
  "cjv": 0.3638355088414548,
  "cnr": 3.6404163667895757,
  "efc": 0.5739938209083224,
  "fber": -1.0,
  "fwhm_avg": 4.623820080670901,
  "fwhm_x": 5.40326,
  "fwhm_y": 5.54844,
  "fwhm_z": 2.9197602420127033,
  "icvs_csf": 0.23255094703253196,
  "icvs_gm": 0.4164302212263111,
  "icvs_wm": 0.3510188317411569,
  "inu_med": 0.86126309633255,
  "inu_range": 0.31396356225013733,
  "provenance": {
    "md5sum": "382783031d5ae75985671254bccc60b7",
    "settings": {
      "testing": false
    },
    "software": "mriqc",
    "version": "22.0.6",
    "warnings": {
      "large_rot_frame": true,
      "small_air_mask": false
    },
    "webapi_port": null,
    "webapi_url": "https://mriqc.nimh.nih.gov/api/v1"
  },
  "qi_1": 0.0006734667949389176,
  "qi_2": 0.00015011292904544644,
  "rpve_csf": 22.04951300367428,
  "rpve_gm": 12.045200025172406,
  "rpve_wm": 15.815994967560318,
  "size_x": 512,
  "size_y": 512,
  "size_z": 132,
  "snr_csf": 1.711919252712965,
  "snr_gm": 12.944395399319394,
  "snr_total": 9.946335456320966,
  "snr_wm": 15.182691716930542,
  "snrd_csf": 5.821877034206968,
  "snrd_gm": 21.160675497145068,
  "snrd_total": 19.318002439508348,
  "snrd_wm": 30.971454787173002,
  "spacing_x": 0.5,
  "spacing_y": 0.5,
  "spacing_z": 0.9999656677246094,
  "summary_bg_k": 18.494843419233238,
  "summary_bg_mad": 0.0,
  "summary_bg_mean": 10.711706176756163,
  "summary_bg_median": 0.0,
  "summary_bg_n": 4473206.0,
  "summary_bg_p05": 0.0,
  "summary_bg_p95": 50.91831333935261,
  "summary_bg_stdv": 21.153903213805584,
  "summary_csf_k": 38.618668780464354,
  "summary_csf_mad": 101.5376006437388,
  "summary_csf_mean": 200.62314657082973,
  "summary_csf_median": 187.98440035432577,
  "summary_csf_n": 210034.0,
  "summary_csf_p05": 54.91098551079631,
  "summary_csf_p95": 387.43011847138405,
  "summary_csf_stdv": 109.80888996162274,
  "summary_gm_k": 0.06809207081580793,
  "summary_gm_mad": 52.92769306532338,
  "summary_gm_mean": 683.8674296871633,
  "summary_gm_median": 683.2636400684714,
  "summary_gm_n": 179472.0,
  "summary_gm_p05": 598.75990787521,
  "summary_gm_p95": 771.0084826126695,
  "summary_gm_stdv": 52.78436848147248,
  "summary_wm_k": 1.0328252855981308,
  "summary_wm_mad": 62.329322754558454,
  "summary_wm_mean": 1004.6032684340845,
  "summary_wm_median": 1000.0469474121928,
  "summary_wm_n": 646749.0,
  "summary_wm_p05": 905.3971306420863,
  "summary_wm_p95": 1118.7937150523067,
  "summary_wm_stdv": 65.86751499162565,
  "tpm_overlap_csf": 0.12714954780920756,
  "tpm_overlap_gm": 0.4144871978355974,
  "tpm_overlap_wm": 0.42625147360051846,
  "wm2max": 0.4273598935265614
}