{
  "aor": 0.0031147945205479456,
  "aqi": 0.007619287351598174,
  "bids_meta": {
    "AcquisitionMatrixPE": 64,
    "AcquisitionNumber": 1,
    "AcquisitionTime": "14:22:30.000000",
    "CoilString": "8HRBRAIN",
    "ConversionSoftware": "dcm2niix",
    "ConversionSoftwareVersion": "v1.0.20190902",
    "DeviceSerialNumber": "0000000000IL1028",
    "EchoTime": 0.03,
    "EffectiveEchoSpacing": 0.000708,
    "FlipAngle": 77,
    "ImageOrientationPatientDICOM": [
      0.987099,
      0.135747,
      -0.0849032,
      -0.129582,
      0.988771,
      0.0744348
    ],
    "ImageType": [
      "ORIGINAL",
      "PRIMARY",
      "EPI",
      "NONE"
    ],
    "ImagingFrequency": 127.72,
    "InPlanePhaseEncodingDirectionDICOM": "COL",
    "InstitutionName": "TEL_AVIV_MEDICAL_CENTER",
    "MRAcquisitionType": "2D",
    "MagneticFieldStrength": 3,
    "Manufacturer": "GE",
    "ManufacturersModelName": "Signa_HDxt",
    "Modality": "MR",
    "PatientPosition": "HFS",
    "PercentPhaseFOV": 100,
    "PhaseEncodingDirection": "j",
    "PhaseEncodingPolarityGE": "Flipped",
    "PixelBandwidth": 7812.5,
    "ProtocolName": "AV_scenes_long",
    "ReconMatrixPE": 64,
    "RepetitionTime": 2,
    "SAR": 0.261162,
    "ScanOptions": "EPI_GEMS_ACC_GEMS",
    "ScanningSequence": "EP_GR",
    "SequenceVariant": "SS",
    "SeriesDescription": "AV_scenes_long",
    "SeriesNumber": 12,
    "SliceThickness": 2.5,
    "SliceTiming": [
      0.971429,
      1.94286,
      0.914286,
      1.88571,
      0.857143,
      1.82857,
      0.8,
      1.77143,
      0.742857,
      1.71429,
      0.685714,
      1.65714,
      0.628571,
      1.6,
      0.571429,
      1.54286,
      0.514286,
      1.48571,
      0.457143,
      1.42857,
      0.4,
      1.37143,
      0.342857,
      1.31429,
      0.285714,
      1.25714,
      0.228571,
      1.2,
      0.171429,
      1.14286,
      0.114286,
      1.08571,
      0.0571429,
      1.02857,
      0
    ],
    "SoftwareVersions": "24_LX_MR_Software_release:HD16.0_V02_1131.a",
    "SpacingBetweenSlices": 2.7,
    "StationName": "mr3-HDx",
    "TaskName": "AVSceneslong",
    "TotalReadoutTime": 0.044604,
    "dataset": "ds002715",
    "modality": "bold",
    "run_id": 3,
    "session_id": "mri",
    "subject_id": "03",
    "task_id": "AVSceneslong"
  },
  "dummy_trs": 3,
  "dvars_nstd": 14.425159200688073,
  "dvars_std": 1.0726482794495409,
  "dvars_vstd": 0.9915814216513765,
  "efc": 0.48374409940661467,
  "fber": 80077.6015625,
  "fd_mean": 0.13928108678342246,
  "fd_num": 43,
  "fd_perc": 19.634703196347033,
  "fwhm_avg": 2.3279677568344863,
  "fwhm_x": 2.195654901960784,
  "fwhm_y": 2.464244705882353,
  "fwhm_z": 2.3240036626603224,
  "gcor": 0.052091,
  "gsr_x": -0.01124637946486473,
  "gsr_y": 0.021399283781647682,
  "provenance": {
    "md5sum": "42283f902b7d37cc1d1e85420d48a38d",
    "settings": {
      "fd_thres": 0.2,
      "testing": false
    },
    "software": "mriqc",
    "version": "22.0.6",
    "webapi_port": null,
    "webapi_url": "https://mriqc.nimh.nih.gov/api/v1"
  },
  "size_t": 219,
  "size_x": 64,
  "size_y": 64,
  "size_z": 35,
  "snr": 7.359622862935474,
  "spacing_tr": 2.0,
  "spacing_x": 3.1875,
  "spacing_y": 3.1875,
  "spacing_z": 2.700000047683716,
  "summary_bg_k": 36.90806809696654,
  "summary_bg_mad": 28.947977244372925,
  "summary_bg_mean": 114.39561462402344,
  "summary_bg_median": 19.557077407836914,
  "summary_bg_n": 85776.0,
  "summary_bg_p05": 0.0,
  "summary_bg_p95": 485.8287582397461,
  "summary_bg_stdv": 254.9566192626953,
  "summary_fg_k": 1.568672693881913,
  "summary_fg_mad": 611.6479796006047,
  "summary_fg_mean": 4811.92626953125,
  "summary_fg_median": 4829.109375,
  "summary_fg_n": 27388.0,
  "summary_fg_p05": 3711.142053222656,
  "summary_fg_p95": 5816.461499023438,
  "summary_fg_stdv": 656.150634765625,
  "tsnr": 72.99782268004492
}