{
  "aor": 0.001118181818181818,
  "aqi": 0.007278137863636364,
  "bids_meta": {
    "AcquisitionMatrixPE": 64,
    "AcquisitionNumber": 1,
    "AcquisitionTime": "14:30:38.000000",
    "CoilString": "8HRBRAIN",
    "ConversionSoftware": "dcm2niix",
    "ConversionSoftwareVersion": "v1.0.20190902",
    "DeviceSerialNumber": "0000000000IL1028",
    "EchoTime": 0.03,
    "EffectiveEchoSpacing": 0.000708,
    "FlipAngle": 77,
    "ImageOrientationPatientDICOM": [
      0.987099,
      0.135747,
      -0.0849032,
      -0.129582,
      0.988771,
      0.0744348
    ],
    "ImageType": [
      "ORIGINAL",
      "PRIMARY",
      "EPI",
      "NONE"
    ],
    "ImagingFrequency": 127.72,
    "InPlanePhaseEncodingDirectionDICOM": "COL",
    "InstitutionName": "TEL_AVIV_MEDICAL_CENTER",
    "MRAcquisitionType": "2D",
    "MagneticFieldStrength": 3,
    "Manufacturer": "GE",
    "ManufacturersModelName": "Signa_HDxt",
    "Modality": "MR",
    "PatientPosition": "HFS",
    "PercentPhaseFOV": 100,
    "PhaseEncodingDirection": "j",
    "PhaseEncodingPolarityGE": "Flipped",
    "PixelBandwidth": 7812.5,
    "ProtocolName": "AV_scenes_long",
    "ReconMatrixPE": 64,
    "RepetitionTime": 2,
    "SAR": 0.261162,
    "ScanOptions": "EPI_GEMS_ACC_GEMS",
    "ScanningSequence": "EP_GR",
    "SequenceVariant": "SS",
    "SeriesDescription": "AV_scenes_long",
    "SeriesNumber": 13,
    "SliceThickness": 2.5,
    "SliceTiming": [
      0.971429,
      1.94286,
      0.914286,
      1.88571,
      0.857143,
      1.82857,
      0.8,
      1.77143,
      0.742857,
      1.71429,
      0.685714,
      1.65714,
      0.628571,
      1.6,
      0.571429,
      1.54286,
      0.514286,
      1.48571,
      0.457143,
      1.42857,
      0.4,
      1.37143,
      0.342857,
      1.31429,
      0.285714,
      1.25714,
      0.228571,
      1.2,
      0.171429,
      1.14286,
      0.114286,
      1.08571,
      0.0571429,
      1.02857,
      0
    ],
    "SoftwareVersions": "24_LX_MR_Software_release:HD16.0_V02_1131.a",
    "SpacingBetweenSlices": 2.7,
    "StationName": "mr3-HDx",
    "TaskName": "AVSceneslong",
    "TotalReadoutTime": 0.044604,
    "dataset": "ds002715",
    "modality": "bold",
    "run_id": 4,
    "session_id": "mri",
    "subject_id": "03",
    "task_id": "AVSceneslong"
  },
  "dummy_trs": 2,
  "dvars_nstd": 14.332841677168938,
  "dvars_std": 1.05487067803653,
  "dvars_vstd": 0.9486234350228309,
  "efc": 0.48392782235552595,
  "fber": 77618.171875,
  "fd_mean": 0.11510462360866347,
  "fd_num": 25,
  "fd_perc": 11.363636363636363,
  "fwhm_avg": 2.312681613038731,
  "fwhm_x": 2.184410980392157,
  "fwhm_y": 2.428796862745098,
  "fwhm_z": 2.3248369959789383,
  "gcor": 0.0612531,
  "gsr_x": -0.010676803067326546,
  "gsr_y": 0.020611805841326714,
  "provenance": {
    "md5sum": "072614aef4a6a366658619b4e61eb504",
    "settings": {
      "fd_thres": 0.2,
      "testing": false
    },
    "software": "mriqc",
    "version": "22.0.6",
    "webapi_port": null,
    "webapi_url": "https://mriqc.nimh.nih.gov/api/v1"
  },
  "size_t": 220,
  "size_x": 64,
  "size_y": 64,
  "size_z": 35,
  "snr": 7.444373015336616,
  "spacing_tr": 2.0,
  "spacing_x": 3.1875,
  "spacing_y": 3.1875,
  "spacing_z": 2.700000047683716,
  "summary_bg_k": 36.57955705326926,
  "summary_bg_mad": 30.049649169697123,
  "summary_bg_mean": 115.90033721923828,
  "summary_bg_median": 20.277271270751953,
  "summary_bg_n": 85809.0,
  "summary_bg_p05": 0.0,
  "summary_bg_p95": 496.6345275878894,
  "summary_bg_stdv": 260.5157165527344,
  "summary_fg_k": 1.6083020168035214,
  "summary_fg_mad": 602.3469672454486,
  "summary_fg_mean": 4812.62158203125,
  "summary_fg_median": 4832.36328125,
  "summary_fg_n": 27375.0,
  "summary_fg_p05": 3716.2303466796875,
  "summary_fg_p95": 5805.33310546875,
  "summary_fg_stdv": 649.1177978515625,
  "tsnr": 74.94960084347986
}