{
  "aor": 0.0016990454545454544,
  "aqi": 0.007944410772727274,
  "bids_meta": {
    "AcquisitionMatrixPE": 64,
    "AcquisitionNumber": 1,
    "AcquisitionTime": "14:14:11.000000",
    "CoilString": "8HRBRAIN",
    "ConversionSoftware": "dcm2niix",
    "ConversionSoftwareVersion": "v1.0.20190902",
    "DeviceSerialNumber": "0000000000IL1028",
    "EchoTime": 0.03,
    "EffectiveEchoSpacing": 0.000708,
    "FlipAngle": 77,
    "ImageOrientationPatientDICOM": [
      0.987099,
      0.135747,
      -0.0849032,
      -0.129582,
      0.988771,
      0.0744348
    ],
    "ImageType": [
      "ORIGINAL",
      "PRIMARY",
      "EPI",
      "NONE"
    ],
    "ImagingFrequency": 127.72,
    "InPlanePhaseEncodingDirectionDICOM": "COL",
    "InstitutionName": "TEL_AVIV_MEDICAL_CENTER",
    "MRAcquisitionType": "2D",
    "MagneticFieldStrength": 3,
    "Manufacturer": "GE",
    "ManufacturersModelName": "Signa_HDxt",
    "Modality": "MR",
    "PatientPosition": "HFS",
    "PercentPhaseFOV": 100,
    "PhaseEncodingDirection": "j",
    "PhaseEncodingPolarityGE": "Flipped",
    "PixelBandwidth": 7812.5,
    "ProtocolName": "AV_scenes_long",
    "ReconMatrixPE": 64,
    "RepetitionTime": 2,
    "SAR": 0.261162,
    "ScanOptions": "EPI_GEMS_ACC_GEMS",
    "ScanningSequence": "EP_GR",
    "SequenceVariant": "SS",
    "SeriesDescription": "AV_scenes_long",
    "SeriesNumber": 11,
    "SliceThickness": 2.5,
    "SliceTiming": [
      0.971429,
      1.94286,
      0.914286,
      1.88571,
      0.857143,
      1.82857,
      0.8,
      1.77143,
      0.742857,
      1.71429,
      0.685714,
      1.65714,
      0.628571,
      1.6,
      0.571429,
      1.54286,
      0.514286,
      1.48571,
      0.457143,
      1.42857,
      0.4,
      1.37143,
      0.342857,
      1.31429,
      0.285714,
      1.25714,
      0.228571,
      1.2,
      0.171429,
      1.14286,
      0.114286,
      1.08571,
      0.0571429,
      1.02857,
      0
    ],
    "SoftwareVersions": "24_LX_MR_Software_release:HD16.0_V02_1131.a",
    "SpacingBetweenSlices": 2.7,
    "StationName": "mr3-HDx",
    "TaskName": "AVSceneslong",
    "TotalReadoutTime": 0.044604,
    "dataset": "ds002715",
    "modality": "bold",
    "run_id": 2,
    "session_id": "mri",
    "subject_id": "03",
    "task_id": "AVSceneslong"
  },
  "dummy_trs": 2,
  "dvars_nstd": 14.105733679360734,
  "dvars_std": 1.0665775498630137,
  "dvars_vstd": 0.9661460835616438,
  "efc": 0.479986603955175,
  "fber": 76963.40625,
  "fd_mean": 0.10842954776721112,
  "fd_num": 21,
  "fd_perc": 9.545454545454545,
  "fwhm_avg": 2.327071954277876,
  "fwhm_x": 2.177327058823529,
  "fwhm_y": 2.465025882352941,
  "fwhm_z": 2.3388629216571575,
  "gcor": 0.0537752,
  "gsr_x": -0.010460327379405499,
  "gsr_y": 0.01803162693977356,
  "provenance": {
    "md5sum": "c4038b9d75cd80c8857c44344f7f9d3b",
    "settings": {
      "fd_thres": 0.2,
      "testing": false
    },
    "software": "mriqc",
    "version": "22.0.6",
    "webapi_port": null,
    "webapi_url": "https://mriqc.nimh.nih.gov/api/v1"
  },
  "size_t": 220,
  "size_x": 64,
  "size_y": 64,
  "size_z": 35,
  "snr": 7.559822192351938,
  "spacing_tr": 2.0,
  "spacing_x": 3.1875,
  "spacing_y": 3.1875,
  "spacing_z": 2.700000047683716,
  "summary_bg_k": 43.99602809020624,
  "summary_bg_mad": 30.393344399594163,
  "summary_bg_mean": 109.66068267822266,
  "summary_bg_median": 20.513635635375977,
  "summary_bg_n": 86209.0,
  "summary_bg_p05": 0.0,
  "summary_bg_p95": 470.9590759277344,
  "summary_bg_stdv": 249.5107421875,
  "summary_fg_k": 2.099792810426896,
  "summary_fg_mad": 560.6324914955271,
  "summary_fg_mean": 4806.32177734375,
  "summary_fg_median": 4846.263671875,
  "summary_fg_n": 27050.0,
  "summary_fg_p05": 3678.144482421875,
  "summary_fg_p95": 5753.462915039063,
  "summary_fg_stdv": 641.0433959960938,
  "tsnr": 76.52989111561328
}