{
  "bids_meta": {
    "AcquisitionMatrixPE": 256,
    "AcquisitionNumber": 1,
    "AcquisitionTime": "17:57:49.000000",
    "CoilString": "8HRBRAIN",
    "ConversionSoftware": "dcm2niix",
    "ConversionSoftwareVersion": "v1.0.20190902",
    "DeviceSerialNumber": "0000000000IL1028",
    "EchoTime": 0.003488,
    "FlipAngle": 13,
    "ImageOrientationPatientDICOM": [
      0.999405,
      -0.00100712,
      0.0344854,
      0.00808734,
      0.978538,
      -0.205907
    ],
    "ImageType": [
      "ORIGINAL",
      "PRIMARY",
      "OTHER"
    ],
    "ImagingFrequency": 127.72,
    "InPlanePhaseEncodingDirectionDICOM": "ROW",
    "InstitutionName": "TEL_AVIV_MEDICAL_CENTER",
    "InversionTime": 0.45,
    "MRAcquisitionType": "3D",
    "MagneticFieldStrength": 3,
    "Manufacturer": "GE",
    "ManufacturersModelName": "Signa_HDxt",
    "Modality": "MR",
    "PatientPosition": "HFS",
    "PercentPhaseFOV": 100,
    "PixelBandwidth": 97.6562,
    "ProtocolName": "Ax_FSPGR_BRAVO",
    "ReconMatrixPE": 512,
    "RepetitionTime": 0.008976,
    "SAR": 0.20974,
    "ScanOptions": "FAST_GEMS_EDR_GEMS_FILTERED_GEMS_ACC_GEMS",
    "ScanningSequence": "GR",
    "SequenceVariant": "SS_SK",
    "SeriesDescription": "Ax_FSPGR_BRAVO",
    "SeriesNumber": 16,
    "SliceThickness": 1,
    "SoftwareVersions": "24_LX_MR_Software_release:HD16.0_V02_1131.a",
    "SpacingBetweenSlices": 1,
    "StationName": "mr3-HDx",
    "dataset": "ds002715",
    "modality": "T1w",
    "run_id": 1,
    "session_id": "mri",
    "subject_id": "07"
  },
  "cjv": 0.3536553318155789,
  "cnr": 3.47967967847431,
  "efc": 0.599391311861147,
  "fber": -1.0,
  "fwhm_avg": 5.026965517500458,
  "fwhm_x": 5.820720346941968,
  "fwhm_y": 6.14492,
  "fwhm_z": 3.1152562055594077,
  "icvs_csf": 0.24809974657569514,
  "icvs_gm": 0.3908705992141641,
  "icvs_wm": 0.3610296542101407,
  "inu_med": 0.8612164258956909,
  "inu_range": 0.4120035201311112,
  "provenance": {
    "md5sum": "28dc8c96f39b07d545172e9548c6bb87",
    "settings": {
      "testing": false
    },
    "software": "mriqc",
    "version": "22.0.6",
    "warnings": {
      "large_rot_frame": true,
      "small_air_mask": false
    },
    "webapi_port": null,
    "webapi_url": "https://mriqc.nimh.nih.gov/api/v1"
  },
  "qi_1": 0.0,
  "qi_2": 0.00017520309746913107,
  "rpve_csf": 23.93935043436223,
  "rpve_gm": 14.346103223119432,
  "rpve_wm": 18.016984477556225,
  "size_x": 512,
  "size_y": 512,
  "size_z": 138,
  "snr_csf": 1.7675732722446813,
  "snr_gm": 11.2537135798248,
  "snr_total": 9.63488297436466,
  "snr_wm": 15.8833620710245,
  "snrd_csf": 17.535570760865063,
  "snrd_gm": 66.09924438321772,
  "snrd_total": 60.77021351016569,
  "snrd_wm": 98.67582538641429,
  "spacing_x": 0.4999999701976776,
  "spacing_y": 0.5,
  "spacing_z": 1.0000108480453491,
  "summary_bg_k": 11.356089401367198,
  "summary_bg_mad": 6.6395337229304205,
  "summary_bg_mean": 21.140600104781395,
  "summary_bg_median": 4.4782974421978,
  "summary_bg_n": 4314037.0,
  "summary_bg_p05": 0.0,
  "summary_bg_p95": 102.04394000768661,
  "summary_bg_stdv": 38.660923161706656,
  "summary_csf_k": 1.490240668921479,
  "summary_csf_mad": 103.3383838415068,
  "summary_csf_mean": 190.12965432278972,
  "summary_csf_median": 177.71568396687508,
  "summary_csf_n": 226450.0,
  "summary_csf_p05": 50.79231372475624,
  "summary_csf_p95": 373.95697444677353,
  "summary_csf_stdv": 100.54196584777652,
  "summary_gm_k": 0.1482209899221245,
  "summary_gm_mad": 59.04645161289831,
  "summary_gm_mean": 669.9144824108564,
  "summary_gm_median": 669.8882280737162,
  "summary_gm_n": 120078.0,
  "summary_gm_p05": 572.9541402757168,
  "summary_gm_p95": 766.8988679647446,
  "summary_gm_stdv": 59.52572312494286,
  "summary_wm_k": 1.614730440323954,
  "summary_wm_mad": 57.71287005316442,
  "summary_wm_mean": 1004.1067308613934,
  "summary_wm_median": 1000.0382672846317,
  "summary_wm_n": 659443.0,
  "summary_wm_p05": 909.0561047196388,
  "summary_wm_p95": 1112.5315679907799,
  "summary_wm_stdv": 62.96132421888308,
  "tpm_overlap_csf": 0.13840857954126046,
  "tpm_overlap_gm": 0.4298726204186635,
  "tpm_overlap_wm": 0.47522725610170624,
  "wm2max": 0.5789147149409497
}